REDIRECTS: ON
NUGET
  remote: https://www.nuget.org/api/v2
  specs:
    AForge (2.2.5)
    AForge.Imaging (2.2.5)
      AForge (>= 2.2.5)
      AForge.Math (>= 2.2.5)
    AForge.Math (2.2.5)
      AForge (>= 2.2.5)
    Argu (1.1.3)
    DynamicInterop (0.7.4)
    FSharp.Charting (0.90.13)
    FSharp.Control.AsyncSeq (2.0.3)
    FSharp.Core (4.0.0.1)
    FSharp.Data (2.2.5)
      Zlib.Portable (>= 1.10.0) - framework: portable-net40+sl50+wp80+win80
    FsPickler (1.8.0)
    FsPickler.Json (1.8.0)
      FsPickler (1.8.0)
      Newtonsoft.Json (>= 6.0.5)
    Google.DataTable.Net.Wrapper (3.1.2)
    Hyak.Common (1.1.0)
      Microsoft.Bcl (>= 1.1.9) - framework: portable-net403+win+wpa81
      Microsoft.Bcl.Async (>= 1.0.168) - framework: portable-net403+win+wpa81
      Microsoft.Bcl.Build (>= 1.0.14) - framework: portable-net403+win+wpa81
      Microsoft.Net.Http (>= 2.2.22) - framework: portable-net403+win+wpa81
      Newtonsoft.Json (>= 7.0.1) - framework: portable-net403+win+wpa81
    MathNet.Numerics (3.7.1)
      TaskParallelLibrary (>= 1.0.2856) - framework: net35
    MathNet.Numerics.FSharp (3.7.1)
      FSharp.Core (>= 3.1.2.1)
      MathNet.Numerics (3.7.1)
    MathNet.Numerics.MKL.Win-x64 (1.8.0)
      MathNet.Numerics (>= 2.4.0)
    MBrace.Azure (1.1.21)
      Argu (>= 1.0.0 < 2.0.0)
      FsPickler (>= 1.8.0)
      FsPickler.Json (>= 1.8.0)
      MBrace.Core (>= 1.1.2)
      MBrace.Runtime (>= 1.1.2)
      Newtonsoft.Json (>= 8.0.2)
      Vagabond (>= 0.12.7)
      WindowsAzure.ServiceBus (>= 2.5.2 < 2.6.0)
      WindowsAzure.Storage (>= 4.3.0 < 4.4.0)
    MBrace.Azure.Management (1.1.21)
      MBrace.Azure (>= 1.1.21)
      MBrace.Core (>= 1.1.2)
      MBrace.Runtime (>= 1.1.2)
      Microsoft.Bcl.Async (>= 1.0.0 < 2.0.0)
      Microsoft.WindowsAzure.Management.Libraries (>= 2.0.0 < 3.0.0)
      Microsoft.WindowsAzure.Management.ServiceBus (>= 0.17.0-prerelease < 1.0.0-prerelease)
      WindowsAzure.ServiceBus (>= 2.5.2 < 2.6.0)
      WindowsAzure.Storage (>= 4.3.0 < 4.4.0)
    MBrace.Core (1.1.2)
    MBrace.CSharp (1.1.2-alpha)
      FSharp.Core
      MBrace.Core (1.1.2)
      MBrace.Flow (1.1.2)
      Streams (>= 0.4.0 < 0.5.0)
    MBrace.Flow (1.1.2)
      FSharp.Core
      MBrace.Core (1.1.2)
      Streams (>= 0.4.0 < 0.5.0)
    MBrace.Runtime (1.1.2)
      FsPickler (>= 1.8.0 < 1.9.0)
      FsPickler.Json (>= 1.8.0 < 1.9.0)
      MBrace.Core (1.1.2)
      Vagabond (>= 0.12.7 < 0.13.0)
    MBrace.Thespian (1.1.2)
      Argu (>= 1.0.0 < 2.0.0)
      FsPickler (>= 1.8.0 < 1.9.0)
      MBrace.Core (1.1.2)
      MBrace.Runtime (1.1.2)
      Thespian (>= 0.1.10-alpha < 0.2.0)
      Vagabond (>= 0.12.7 < 0.13.0)
    Microsoft.Azure.Common (2.1.0)
      Hyak.Common (>= 1.0.2)
      Microsoft.Azure.Common.Dependencies (>= 1.0.0)
    Microsoft.Azure.Common.Dependencies (1.0.0)
      Microsoft.Bcl (>= 1.1.9) - framework: >= net40, portable-net45+wp80+wpa81+win
      Microsoft.Bcl.Async (>= 1.0.168) - framework: >= net40, portable-net45+wp80+wpa81+win
      Microsoft.Bcl.Build (>= 1.0.14) - framework: >= net40, portable-net45+wp80+wpa81+win
      Microsoft.Net.Http (>= 2.2.22) - framework: >= net40, portable-net45+wp80+wpa81+win
      Newtonsoft.Json (>= 6.0.4) - framework: >= net40, portable-net45+wp80+wpa81+win
    Microsoft.Bcl (1.1.10)
      Microsoft.Bcl.Build (>= 1.0.14)
    Microsoft.Bcl.Async (1.0.168)
      Microsoft.Bcl (>= 1.1.8)
    Microsoft.Bcl.Build (1.0.21) - import_targets: false
    Microsoft.Data.Edm (5.7.0) - framework: >= net40, winv4.5, wpv8.1, wpv8.0
    Microsoft.Data.OData (5.7.0) - framework: >= net40, winv4.5, wpv8.1, wpv8.0
      Microsoft.Data.Edm (5.7.0)
      System.Spatial (5.7.0)
    Microsoft.Data.Services.Client (5.7.0) - framework: >= net40
      Microsoft.Data.OData (5.7.0)
    Microsoft.Net.Http (2.2.29) - framework: >= net40, portable-net403+win+wpa81, portable-net45+wp80+wpa81+win
      Microsoft.Bcl (>= 1.1.10)
      Microsoft.Bcl.Build (>= 1.0.14)
    Microsoft.WindowsAzure.Common (1.4.1)
      Microsoft.WindowsAzure.Common.Dependencies (>= 1.1.1)
    Microsoft.WindowsAzure.Common.Dependencies (1.1.1)
      Microsoft.Bcl (>= 1.1.9) - framework: >= net40, portable-net45+wp80+wpa81+win
      Microsoft.Bcl.Async (>= 1.0.168) - framework: >= net40, portable-net45+wp80+wpa81+win
      Microsoft.Bcl.Build (>= 1.0.14) - framework: >= net40, portable-net45+wp80+wpa81+win
      Microsoft.Net.Http (>= 2.2.22) - framework: >= net40, portable-net45+wp80+wpa81+win
      Newtonsoft.Json (>= 6.0.4) - framework: >= net40, portable-net45+wp80+wpa81+win
    Microsoft.WindowsAzure.ConfigurationManager (3.2.0)
    Microsoft.WindowsAzure.Management (4.1.1)
      Microsoft.Azure.Common (>= 2.0.4 < 3.0)
    Microsoft.WindowsAzure.Management.Compute (12.5.0)
      Microsoft.Azure.Common (>= 2.0.4 < 3.0.0)
    Microsoft.WindowsAzure.Management.Libraries (2.0.0)
      Microsoft.WindowsAzure.Common (>= 1.3.0 < 2.0)
      Microsoft.WindowsAzure.Management (>= 2.0.0)
      Microsoft.WindowsAzure.Management.Compute (>= 5.0.0)
      Microsoft.WindowsAzure.Management.MediaServices (>= 2.0.0)
      Microsoft.WindowsAzure.Management.Monitoring (>= 1.0.0)
      Microsoft.WindowsAzure.Management.Network (>= 3.0.0)
      Microsoft.WindowsAzure.Management.Scheduler (>= 3.0.0)
      Microsoft.WindowsAzure.Management.Sql (>= 3.0.0)
      Microsoft.WindowsAzure.Management.Storage (>= 3.0.0)
      Microsoft.WindowsAzure.Management.WebSites (>= 3.0.0)
    Microsoft.WindowsAzure.Management.MediaServices (4.1.0)
      Microsoft.Azure.Common (>= 2.0.1 < 3.0)
    Microsoft.WindowsAzure.Management.Monitoring (4.1.0)
      Microsoft.Azure.Common (>= 2.0.1 < 3.0)
    Microsoft.WindowsAzure.Management.Network (7.0.4)
      Microsoft.Azure.Common (>= 2.1.0 < 3.0)
    Microsoft.WindowsAzure.Management.Scheduler (6.2.0)
      Microsoft.Azure.Common (>= 2.0.4 < 3.0)
    Microsoft.WindowsAzure.Management.ServiceBus (0.17.1-preview)
      Microsoft.Azure.Common (>= 2.0.1 < 3.0)
    Microsoft.WindowsAzure.Management.Sql (5.2.0)
      Microsoft.Azure.Common (>= 2.0.4 < 3.0)
    Microsoft.WindowsAzure.Management.Storage (5.1.1)
      Microsoft.Azure.Common (>= 2.0.4 < 3.0)
    Microsoft.WindowsAzure.Management.WebSites (4.0.0)
      Microsoft.WindowsAzure.Common (>= 1.3.0 < 2.0)
    Mono.Cecil (0.9.6.1)
    Newtonsoft.Json (8.0.2)
    R.NET.Community (1.6.4)
      DynamicInterop (0.7.4)
    R.NET.Community.FSharp (1.6.4)
      R.NET.Community (>= 1.6.4)
    RProvider (1.1.15)
      DynamicInterop (0.7.4)
      R.NET.Community (1.6.4)
      R.NET.Community.FSharp (1.6.4)
    Streams (0.4.1)
    Suave (1.1.0)
      FSharp.Core (>= 3.1.2.5)
    System.Globalization (4.0.10) - framework: dnxcore50
      System.Runtime (>= 4.0.0) - framework: dnxcore50
    System.IO (4.0.10)
      System.Globalization (>= 4.0.0) - framework: dnxcore50
      System.Runtime (>= 4.0.20) - framework: dnxcore50
      System.Text.Encoding (>= 4.0.0) - framework: dnxcore50
      System.Text.Encoding (>= 4.0.10) - framework: dnxcore50
      System.Text.Encoding.Extensions (>= 4.0.0) - framework: dnxcore50
      System.Threading (>= 4.0.0) - framework: dnxcore50
      System.Threading.Tasks (>= 4.0.0) - framework: dnxcore50
    System.Private.Uri (4.0.0) - framework: dnxcore50
    System.Reflection (4.0.10)
      System.IO (>= 4.0.0) - framework: dnxcore50
      System.Reflection.Primitives (>= 4.0.0) - framework: dnxcore50
      System.Runtime (>= 4.0.20) - framework: dnxcore50
    System.Reflection.Primitives (4.0.0) - framework: dnxcore50
      System.Runtime (>= 4.0.0) - framework: dnxcore50
      System.Threading (>= 4.0.0) - framework: dnxcore50
    System.Runtime (4.0.20)
      System.Private.Uri (>= 4.0.0) - framework: dnxcore50
    System.Runtime.Loader (4.0.0-beta-23516)
      System.IO (>= 4.0.0)
      System.Reflection (>= 4.0.0)
      System.Runtime (>= 4.0.0)
    System.Spatial (5.7.0) - framework: >= net40, winv4.5, wpv8.1, wpv8.0
    System.Text.Encoding (4.0.10) - framework: dnxcore50
      System.Runtime (>= 4.0.0) - framework: dnxcore50
    System.Text.Encoding.Extensions (4.0.10) - framework: dnxcore50
      System.Runtime (>= 4.0.0) - framework: dnxcore50
      System.Text.Encoding (>= 4.0.10) - framework: dnxcore50
    System.Threading (4.0.10) - framework: dnxcore50
      System.Runtime (>= 4.0.0) - framework: dnxcore50
      System.Threading.Tasks (>= 4.0.0) - framework: dnxcore50
    System.Threading.Tasks (4.0.10) - framework: dnxcore50
      System.Runtime (>= 4.0.0) - framework: dnxcore50
    TaskParallelLibrary (1.0.2856) - framework: net35
    Thespian (0.1.10-alpha)
      FsPickler (>= 1.8.0)
    Vagabond (0.12.7)
      FsPickler (>= 1.8.0 < 1.9.0)
      Mono.Cecil (>= 0.9.6.1 < 0.9.7)
    WindowsAzure.ServiceBus (2.5.4)
      Microsoft.WindowsAzure.ConfigurationManager
    WindowsAzure.Storage (4.3.0)
      Microsoft.Data.OData (>= 5.6.2) - framework: >= net40, winv4.5, wpv8.1, wpv8.0
      Microsoft.Data.Services.Client (>= 5.6.2) - framework: >= net40
      Microsoft.WindowsAzure.ConfigurationManager (>= 1.8.0.0) - framework: >= net40
      Newtonsoft.Json (>= 5.0.8) - framework: >= net40, wpv8.0
    XPlot.GoogleCharts (1.3.1)
      Google.DataTable.Net.Wrapper
      Newtonsoft.Json
    XPlot.GoogleCharts.WPF (1.3.1)
      XPlot.GoogleCharts (>= 1.3.1)
    Zlib.Portable (1.11.0) - framework: portable-net40+sl50+wp80+win80
GITHUB
  remote: fslaborg/FSharp.Charting
  specs:
    docs/content/EventEx-0.1.fsx (1bff0e14dd6d305a7c1ffabe59c6d1126e977f2d)