REDIRECTS: ON
RESTRICTION: || (== net40) (== net45) (== net451) (== net452)
NUGET
  remote: https://www.nuget.org/api/v2
    Akka (1.2)
      Newtonsoft.Json (>= 9.0.1)
      System.Collections.Immutable (>= 1.3.1)
    Akka.Cluster (1.2)
      Akka.Remote (>= 1.2)
      Google.ProtocolBuffers (>= 2.4.1.555)
      System.Collections.Immutable (>= 1.3.1)
    Akka.Cluster.Sharding (1.2.0.36-beta)
      Akka.Cluster.Tools (>= 1.2)
      Akka.Persistence (>= 1.2.0.36-beta)
      Google.ProtocolBuffers (>= 2.4.1.555)
      System.Collections.Immutable (>= 1.3.1)
    Akka.Cluster.Tools (1.2)
      Akka.Cluster (>= 1.2)
      Google.ProtocolBuffers (>= 2.4.1.555)
      System.Collections.Immutable (>= 1.3.1)
    Akka.DistributedData (1.2.0.36-beta)
      Akka (>= 1.2)
      Google.ProtocolBuffers (>= 2.4.1.555)
      Hyperion (>= 0.9.2)
      System.Collections.Immutable (>= 1.3.1)
    Akka.Persistence (1.2.0.36-beta)
      Akka (>= 1.2)
      Google.ProtocolBuffers (>= 2.4.1.555)
      Newtonsoft.Json (>= 9.0.1)
      System.Collections.Immutable (>= 1.3.1)
    Akka.Persistence.Query (1.1.3.32-beta)
      Akka.Persistence (>= 1.1.3.32-beta)
      Akka.Streams (>= 1.1.3.32-beta)
      Reactive.Streams (>= 1.0.0-RC1)
    Akka.Persistence.Query.Sql (1.1.3.32-beta)
      Akka.Persistence.Query (>= 1.1.3.32-beta)
      Akka.Persistence.Sql.Common (>= 1.1.3.32-beta)
      Reactive.Streams (>= 1.0.0-RC1)
      System.Collections.Immutable (>= 1.1.36)
    Akka.Persistence.Sql.Common (1.1.3.32-beta)
      Akka.Persistence (>= 1.1.3.32-beta)
      System.Collections.Immutable (>= 1.1.36)
    Akka.Persistence.Sqlite (1.1.3.32-beta)
      Akka.Persistence.Sql.Common (>= 1.1.3.32-beta)
      System.Collections.Immutable (>= 1.1.36)
      System.Data.SQLite.Core (>= 1.0.98)
    Akka.Remote (1.2)
      Akka (>= 1.2)
      DotNetty.Buffers (>= 0.4.3)
      DotNetty.Codecs (>= 0.4.3)
      DotNetty.Common (>= 0.4.3)
      DotNetty.Handlers (>= 0.4.3)
      DotNetty.Transport (>= 0.4.3)
      Google.ProtocolBuffers (>= 2.4.1.555)
      System.Collections.Immutable (>= 1.3.1)
    Akka.Serialization.Hyperion (1.2.0.36-beta)
      Akka (>= 1.2)
      Hyperion (>= 0.9.2)
    Akka.Streams (1.2)
      Akka (>= 1.2)
      Reactive.Streams (>= 1.0.2)
      System.Collections.Immutable (>= 1.3.1)
    Akka.TestKit (1.2)
      Akka (>= 1.2)
    Akka.TestKit.Xunit2 (1.1)
      Akka.TestKit (>= 1.1)
      xunit (>= 2.0)
      xunit.abstractions (>= 2.0)
      xunit.assert (>= 2.0)
      xunit.core (>= 2.0)
      xunit.extensibility.core (>= 2.0)
    Akkling (0.6.1)
      Akka (>= 1.2)
      Akka.Serialization.Hyperion (>= 1.2.0.36-beta)
      FsPickler (>= 3.2)
      FSPowerPack.Linq.Community (>= 3.0)
      Newtonsoft.Json (>= 9.0)
      System.Collections.Immutable (>= 1.3)
    Akkling.Cluster.Sharding (0.6.1)
      Akka (>= 1.2)
      Akka.Cluster (>= 1.2)
      Akka.Cluster.Sharding (>= 1.2.0-prerelease)
      Akka.Cluster.Tools (>= 1.2)
      Akka.Persistence (>= 1.2.0.36-beta)
      Akkling (>= 0.6.1)
      Akkling.Persistence (>= 0.6.1)
      Newtonsoft.Json (>= 9.0)
    Akkling.DistributedData (0.6.1)
      Akka (>= 1.2)
      Akka.Cluster (>= 1.2)
      Akka.DistributedData (>= 1.2.0-prerelease)
      Akkling (>= 0.6.1)
    Akkling.Persistence (0.6.1)
      Akka (>= 1.2)
      Akka.Persistence (>= 1.2.0.36-beta)
      Akkling (>= 0.6.1)
      FSPowerPack.Linq.Community (>= 3.0)
      Newtonsoft.Json (>= 9.0)
    Akkling.Streams (0.6.1)
      Akka (>= 1.2)
      Akka.Streams (>= 1.2)
      Akkling (>= 0.6.1)
      Reactive.Streams (>= 1.0.2)
    Akkling.TestKit (0.5)
      Akka (>= 1.1.3-prerelease)
      Akka.TestKit.Xunit2 (>= 1.1.0-prerelease)
      Akkling (>= 0.5)
      FsCheck.Xunit
      System.Collections.Immutable (>= 1.1.36)
    BouncyCastle (1.8.1)
    dlech.Chaos.NaCl (0.1)
    DotNetty.Buffers (0.4.4)
      DotNetty.Common (>= 0.4.4) - restriction: || (&& (== net40) (>= net45)) (&& (== net40) (>= netstandard13)) (== net45) (== net451) (== net452)
    DotNetty.Codecs (0.4.4)
      DotNetty.Buffers (>= 0.4.4) - restriction: || (&& (== net40) (>= net45)) (&& (== net40) (>= netstandard13)) (== net45) (== net451) (== net452)
      DotNetty.Common (>= 0.4.4) - restriction: || (&& (== net40) (>= net45)) (&& (== net40) (>= netstandard13)) (== net45) (== net451) (== net452)
      DotNetty.Transport (>= 0.4.4) - restriction: || (&& (== net40) (>= net45)) (&& (== net40) (>= netstandard13)) (== net45) (== net451) (== net452)
    DotNetty.Common (0.4.4)
      Microsoft.Extensions.Logging (>= 1.1.1) - restriction: || (&& (== net40) (>= net45)) (&& (== net40) (>= netstandard13)) (== net45) (== net451) (== net452)
    DotNetty.Handlers (0.4.4)
      DotNetty.Buffers (>= 0.4.4) - restriction: || (&& (== net40) (>= net45)) (&& (== net40) (>= netstandard13)) (== net45) (== net451) (== net452)
      DotNetty.Codecs (>= 0.4.4) - restriction: || (&& (== net40) (>= net45)) (&& (== net40) (>= netstandard13)) (== net45) (== net451) (== net452)
      DotNetty.Common (>= 0.4.4) - restriction: || (&& (== net40) (>= net45)) (&& (== net40) (>= netstandard13)) (== net45) (== net451) (== net452)
      DotNetty.Transport (>= 0.4.4) - restriction: || (&& (== net40) (>= net45)) (&& (== net40) (>= netstandard13)) (== net45) (== net451) (== net452)
    DotNetty.Transport (0.4.4)
      DotNetty.Buffers (>= 0.4.4) - restriction: || (&& (== net40) (>= net45)) (&& (== net40) (>= netstandard13)) (== net45) (== net451) (== net452)
      DotNetty.Common (>= 0.4.4) - restriction: || (&& (== net40) (>= net45)) (&& (== net40) (>= netstandard13)) (== net45) (== net451) (== net452)
    Dynamitey (1.0.2)
    Edge.js (7.10.1)
    FAKE (4.50)
    FsCheck (2.7)
      FSharp.Core (>= 3.1.2.5)
    FsCheck.Xunit (2.0.7)
      FsCheck (>= 2.0.7)
      xunit (>= 1.9.2)
    FSharp.Compiler.Service (2.0.0.6)
    FSharp.Control.AsyncSeq (2.0.12)
    FSharp.Core (4.0.0.1)
    FSharp.Formatting (2.14.4)
      FSharp.Compiler.Service (2.0.0.6)
      FSharpVSPowerTools.Core (>= 2.3 < 2.4)
    FSharp.Interop.Dynamic (3.0)
      Dynamitey (>= 1.0.2)
      FSharp.Core (>= 3.1.2.1)
    FSharpVSPowerTools.Core (2.3)
      FSharp.Compiler.Service (>= 2.0.0.3)
    FsPickler (3.2)
    FSPowerPack.Core.Community (3.0)
    FSPowerPack.Linq.Community (3.0)
      FSPowerPack.Core.Community
    Google.ProtocolBuffers (2.4.1.555)
    Hyperion (0.9.2)
    Inferno (1.4)
    Jint (2.10.4)
    jose-jwt (2.4)
    Microsoft.Bcl (1.1.10) - restriction: || (== net40) (&& (== net451) (< net45) (< portable-win81+wpa81)) (&& (== net452) (< net45) (< portable-win81+wpa81))
      Microsoft.Bcl.Build (>= 1.0.14)
    Microsoft.Bcl.Build (1.0.21) - import_targets: false, restriction: || (== net40) (&& (== net451) (< net45) (< portable-win81+wpa81)) (&& (== net452) (< net45) (< portable-win81+wpa81))
    Microsoft.Extensions.DependencyInjection.Abstractions (1.1) - restriction: || (&& (== net40) (== net45)) (&& (== net40) (== net451)) (&& (== net40) (== net452)) (&& (== net40) (>= net45)) (&& (== net40) (>= netstandard13)) (== net45) (&& (== net45) (== net451)) (&& (== net45) (== net452)) (== net451) (&& (== net451) (== net452)) (== net452)
      NETStandard.Library (>= 1.6.1) - restriction: || (&& (== net40) (>= netstandard10)) (== net45) (== net451) (== net452)
      System.ComponentModel (>= 4.3) - restriction: || (&& (== net40) (>= netstandard10)) (== net45) (== net451) (== net452)
    Microsoft.Extensions.Logging (1.1.1) - restriction: || (&& (== net40) (== net45)) (&& (== net40) (== net451)) (&& (== net40) (== net452)) (&& (== net40) (>= net45)) (&& (== net40) (>= netstandard13)) (== net45) (&& (== net45) (== net451)) (&& (== net45) (== net452)) (== net451) (&& (== net451) (== net452)) (== net452)
      Microsoft.Extensions.DependencyInjection.Abstractions (>= 1.1) - restriction: || (&& (== net40) (>= netstandard11)) (== net45) (== net451) (== net452)
      Microsoft.Extensions.Logging.Abstractions (>= 1.1.1) - restriction: || (&& (== net40) (>= netstandard11)) (== net45) (== net451) (== net452)
      NETStandard.Library (>= 1.6.1) - restriction: || (&& (== net40) (>= netstandard11)) (== net45) (== net451) (== net452)
    Microsoft.Extensions.Logging.Abstractions (1.1.1) - restriction: || (&& (== net40) (== net45)) (&& (== net40) (== net451)) (&& (== net40) (== net452)) (&& (== net40) (>= net45)) (&& (== net40) (>= netstandard13)) (== net45) (&& (== net45) (== net451)) (&& (== net45) (== net452)) (== net451) (&& (== net451) (== net452)) (== net452)
      NETStandard.Library (>= 1.6.1) - restriction: || (&& (== net40) (>= netstandard11)) (== net45) (== net451) (== net452)
    Microsoft.FSharpLu (0.9.6050.26231)
    Microsoft.FSharpLu.Json (0.9.6073.20898)
      Newtonsoft.Json (>= 8.0.3)
    Microsoft.Net.Http (2.2.29) - restriction: || (== net40) (&& (== net451) (< net45) (< portable-win81+wpa81)) (&& (== net452) (< net45) (< portable-win81+wpa81))
      Microsoft.Bcl (>= 1.1.10)
      Microsoft.Bcl.Build (>= 1.0.14)
    Microsoft.NETCore.Platforms (1.1) - restriction: || (&& (== net40) (== net45)) (&& (== net40) (== net451)) (&& (== net40) (== net452)) (&& (== net40) (>= net45)) (&& (== net40) (>= netstandard13)) (== net45) (&& (== net45) (== net451)) (&& (== net45) (== net452)) (== net451) (&& (== net451) (== net452)) (== net452)
    NETStandard.Library (1.6.1) - restriction: || (&& (== net40) (== net45)) (&& (== net40) (== net451)) (&& (== net40) (== net452)) (&& (== net40) (>= net45)) (&& (== net40) (>= netstandard13)) (== net45) (&& (== net45) (== net451)) (&& (== net45) (== net452)) (== net451) (&& (== net451) (== net452)) (== net452)
      Microsoft.NETCore.Platforms (>= 1.1) - restriction: || (&& (== net40) (>= netstandard10)) (== net45) (== net451) (== net452)
      System.Collections (>= 4.3) - restriction: || (&& (== net40) (>= netstandard10)) (== net45) (== net451) (== net452)
      System.Collections.Concurrent (>= 4.3) - restriction: || (&& (== net40) (>= netstandard11)) (== net45) (== net451) (== net452)
      System.Diagnostics.Debug (>= 4.3) - restriction: || (&& (== net40) (>= netstandard10)) (== net45) (== net451) (== net452)
      System.Diagnostics.Tools (>= 4.3) - restriction: || (&& (== net40) (>= netstandard10)) (== net45) (== net451) (== net452)
      System.Diagnostics.Tracing (>= 4.3) - restriction: || (&& (== net40) (>= netstandard11)) (== net45) (== net451) (== net452)
      System.Globalization (>= 4.3) - restriction: || (&& (== net40) (>= netstandard10)) (== net45) (== net451) (== net452)
      System.IO (>= 4.3) - restriction: || (&& (== net40) (>= netstandard10)) (== net45) (== net451) (== net452)
      System.IO.Compression (>= 4.3) - restriction: || (&& (== net40) (>= netstandard11)) (== net45) (== net451) (== net452)
      System.Linq (>= 4.3) - restriction: || (&& (== net40) (>= netstandard10)) (== net45) (== net451) (== net452)
      System.Linq.Expressions (>= 4.3) - restriction: || (&& (== net40) (>= netstandard10)) (== net45) (== net451) (== net452)
      System.Net.Http (>= 4.3) - restriction: || (&& (== net40) (>= netstandard11)) (== net45) (== net451) (== net452)
      System.Net.Primitives (>= 4.3) - restriction: || (&& (== net40) (>= netstandard10)) (== net45) (== net451) (== net452)
      System.ObjectModel (>= 4.3) - restriction: || (&& (== net40) (>= netstandard10)) (== net45) (== net451) (== net452)
      System.Reflection (>= 4.3) - restriction: || (&& (== net40) (>= netstandard10)) (== net45) (== net451) (== net452)
      System.Reflection.Extensions (>= 4.3) - restriction: || (&& (== net40) (>= netstandard10)) (== net45) (== net451) (== net452)
      System.Reflection.Primitives (>= 4.3) - restriction: || (&& (== net40) (>= netstandard10)) (== net45) (== net451) (== net452)
      System.Resources.ResourceManager (>= 4.3) - restriction: || (&& (== net40) (>= netstandard10)) (== net45) (== net451) (== net452)
      System.Runtime (>= 4.3) - restriction: || (&& (== net40) (>= netstandard10)) (== net45) (== net451) (== net452)
      System.Runtime.Extensions (>= 4.3) - restriction: || (&& (== net40) (>= netstandard10)) (== net45) (== net451) (== net452)
      System.Runtime.InteropServices (>= 4.3) - restriction: || (&& (== net40) (>= netstandard11)) (== net45) (== net451) (== net452)
      System.Runtime.InteropServices.RuntimeInformation (>= 4.3) - restriction: || (&& (== net40) (>= netstandard11)) (== net45) (== net451) (== net452)
      System.Runtime.Numerics (>= 4.3) - restriction: || (&& (== net40) (>= netstandard11)) (== net45) (== net451) (== net452)
      System.Text.Encoding (>= 4.3) - restriction: || (&& (== net40) (>= netstandard10)) (== net45) (== net451) (== net452)
      System.Text.Encoding.Extensions (>= 4.3) - restriction: || (&& (== net40) (>= netstandard10)) (== net45) (== net451) (== net452)
      System.Text.RegularExpressions (>= 4.3) - restriction: || (&& (== net40) (>= netstandard10)) (== net45) (== net451) (== net452)
      System.Threading (>= 4.3) - restriction: || (&& (== net40) (>= netstandard10)) (== net45) (== net451) (== net452)
      System.Threading.Tasks (>= 4.3) - restriction: || (&& (== net40) (>= netstandard10)) (== net45) (== net451) (== net452)
      System.Threading.Timer (>= 4.3) - restriction: || (&& (== net40) (>= netstandard12)) (&& (== net45) (>= netstandard12)) (== net451) (== net452)
      System.Xml.ReaderWriter (>= 4.3) - restriction: || (&& (== net40) (>= netstandard10)) (== net45) (== net451) (== net452)
      System.Xml.XDocument (>= 4.3) - restriction: || (&& (== net40) (>= netstandard10)) (== net45) (== net451) (== net452)
    Newtonsoft.Json (10.0.2)
    Octokit (0.24)
      Microsoft.Net.Http  - restriction: || (== net40) (&& (== net451) (< net45) (< portable-win81+wpa81)) (&& (== net452) (< net45) (< portable-win81+wpa81))
    Reactive.Streams (1.0.2)
    SourceLink (1.1)
    System.Collections (4.3) - restriction: || (&& (== net40) (== net45)) (&& (== net40) (== net451)) (&& (== net40) (== net452)) (&& (== net40) (>= net45)) (&& (== net40) (>= netstandard13)) (== net45) (&& (== net45) (== net451)) (&& (== net45) (== net452)) (== net451) (&& (== net451) (== net452)) (== net452)
    System.Collections.Concurrent (4.3) - restriction: || (&& (== net40) (== net45)) (&& (== net40) (== net451)) (&& (== net40) (== net452)) (&& (== net40) (>= net45)) (&& (== net40) (>= netstandard13)) (== net45) (&& (== net45) (== net451)) (&& (== net45) (== net452)) (== net451) (&& (== net451) (== net452)) (== net452)
    System.Collections.Immutable (1.3.1)
    System.ComponentModel (4.3) - restriction: || (&& (== net40) (== net45)) (&& (== net40) (== net451)) (&& (== net40) (== net452)) (&& (== net40) (>= net45)) (&& (== net40) (>= netstandard13)) (== net45) (&& (== net45) (== net451)) (&& (== net45) (== net452)) (== net451) (&& (== net451) (== net452)) (== net452)
    System.Data.SQLite.Core (1.0.104)
    System.Diagnostics.Debug (4.3) - restriction: || (&& (== net40) (== net45)) (&& (== net40) (== net451)) (&& (== net40) (== net452)) (&& (== net40) (>= net45)) (&& (== net40) (>= netstandard13)) (== net45) (&& (== net45) (== net451)) (&& (== net45) (== net452)) (== net451) (&& (== net451) (== net452)) (== net452)
    System.Diagnostics.Tools (4.3) - restriction: || (&& (== net40) (== net45)) (&& (== net40) (== net451)) (&& (== net40) (== net452)) (&& (== net40) (>= net45)) (&& (== net40) (>= netstandard13)) (== net45) (&& (== net45) (== net451)) (&& (== net45) (== net452)) (== net451) (&& (== net451) (== net452)) (== net452)
    System.Diagnostics.Tracing (4.3) - restriction: || (&& (== net40) (== net45)) (&& (== net40) (== net451)) (&& (== net40) (== net452)) (&& (== net40) (>= net45)) (&& (== net40) (>= netstandard13)) (== net45) (&& (== net45) (== net451)) (&& (== net45) (== net452)) (== net451) (&& (== net451) (== net452)) (== net452)
    System.Globalization (4.3) - restriction: || (&& (== net40) (== net45)) (&& (== net40) (== net451)) (&& (== net40) (== net452)) (&& (== net40) (>= net45)) (&& (== net40) (>= netstandard13)) (== net45) (&& (== net45) (== net451)) (&& (== net45) (== net452)) (== net451) (&& (== net451) (== net452)) (== net452)
    System.IO (4.3) - restriction: || (&& (== net40) (== net45)) (&& (== net40) (== net451)) (&& (== net40) (== net452)) (&& (== net40) (>= net45)) (&& (== net40) (>= netstandard13)) (== net45) (&& (== net45) (== net451)) (&& (== net45) (== net452)) (== net451) (&& (== net451) (== net452)) (== net452)
    System.IO.Compression (4.3) - restriction: || (&& (== net40) (== net45)) (&& (== net40) (== net451)) (&& (== net40) (== net452)) (&& (== net40) (>= net45)) (&& (== net40) (>= netstandard13)) (== net45) (&& (== net45) (== net451)) (&& (== net45) (== net452)) (== net451) (&& (== net451) (== net452)) (== net452)
    System.Linq (4.3) - restriction: || (&& (== net40) (== net45)) (&& (== net40) (== net451)) (&& (== net40) (== net452)) (&& (== net40) (>= net45)) (&& (== net40) (>= netstandard13)) (== net45) (&& (== net45) (== net451)) (&& (== net45) (== net452)) (== net451) (&& (== net451) (== net452)) (== net452)
    System.Linq.Expressions (4.3) - restriction: || (&& (== net40) (== net45)) (&& (== net40) (== net451)) (&& (== net40) (== net452)) (&& (== net40) (>= net45)) (&& (== net40) (>= netstandard13)) (== net45) (&& (== net45) (== net451)) (&& (== net45) (== net452)) (== net451) (&& (== net451) (== net452)) (== net452)
    System.Net.Http (4.3.1) - restriction: || (&& (== net40) (== net45)) (&& (== net40) (== net451)) (&& (== net40) (== net452)) (&& (== net40) (>= net45)) (&& (== net40) (>= netstandard13)) (== net45) (&& (== net45) (== net451)) (&& (== net45) (== net452)) (== net451) (&& (== net451) (== net452)) (== net452)
    System.Net.Primitives (4.3) - restriction: || (&& (== net40) (== net45)) (&& (== net40) (== net451)) (&& (== net40) (== net452)) (&& (== net40) (>= net45)) (&& (== net40) (>= netstandard13)) (== net45) (&& (== net45) (== net451)) (&& (== net45) (== net452)) (== net451) (&& (== net451) (== net452)) (== net452)
    System.ObjectModel (4.3) - restriction: || (&& (== net40) (== net45)) (&& (== net40) (== net451)) (&& (== net40) (== net452)) (&& (== net40) (>= net45)) (&& (== net40) (>= netstandard13)) (== net45) (&& (== net45) (== net451)) (&& (== net45) (== net452)) (== net451) (&& (== net451) (== net452)) (== net452)
    System.Reflection (4.3) - restriction: || (&& (== net40) (== net45)) (&& (== net40) (== net451)) (&& (== net40) (== net452)) (&& (== net40) (>= net45)) (&& (== net40) (>= netstandard13)) (== net45) (&& (== net45) (== net451)) (&& (== net45) (== net452)) (== net451) (&& (== net451) (== net452)) (== net452)
    System.Reflection.Extensions (4.3) - restriction: || (&& (== net40) (== net45)) (&& (== net40) (== net451)) (&& (== net40) (== net452)) (&& (== net40) (>= net45)) (&& (== net40) (>= netstandard13)) (== net45) (&& (== net45) (== net451)) (&& (== net45) (== net452)) (== net451) (&& (== net451) (== net452)) (== net452)
    System.Reflection.Primitives (4.3) - restriction: || (&& (== net40) (== net45)) (&& (== net40) (== net451)) (&& (== net40) (== net452)) (&& (== net40) (>= net45)) (&& (== net40) (>= netstandard13)) (== net45) (&& (== net45) (== net451)) (&& (== net45) (== net452)) (== net451) (&& (== net451) (== net452)) (== net452)
    System.Resources.ResourceManager (4.3) - restriction: || (&& (== net40) (== net45)) (&& (== net40) (== net451)) (&& (== net40) (== net452)) (&& (== net40) (>= net45)) (&& (== net40) (>= netstandard13)) (== net45) (&& (== net45) (== net451)) (&& (== net45) (== net452)) (== net451) (&& (== net451) (== net452)) (== net452)
    System.Runtime (4.3) - restriction: || (&& (== net40) (== net45)) (&& (== net40) (== net451)) (&& (== net40) (== net452)) (&& (== net40) (>= net45)) (&& (== net40) (>= netstandard13)) (== net45) (&& (== net45) (== net451)) (&& (== net45) (== net452)) (== net451) (&& (== net451) (== net452)) (== net452)
    System.Runtime.Extensions (4.3) - restriction: || (&& (== net40) (== net45)) (&& (== net40) (== net451)) (&& (== net40) (== net452)) (&& (== net40) (>= net45)) (&& (== net40) (>= netstandard13)) (== net45) (&& (== net45) (== net451)) (&& (== net45) (== net452)) (== net451) (&& (== net451) (== net452)) (== net452)
    System.Runtime.InteropServices (4.3) - restriction: || (&& (== net40) (== net45)) (&& (== net40) (== net451)) (&& (== net40) (== net452)) (&& (== net40) (>= net45)) (&& (== net40) (>= netstandard13)) (== net45) (&& (== net45) (== net451)) (&& (== net45) (== net452)) (== net451) (&& (== net451) (== net452)) (== net452)
    System.Runtime.InteropServices.RuntimeInformation (4.3) - restriction: || (&& (== net40) (== net45)) (&& (== net40) (== net451)) (&& (== net40) (== net452)) (&& (== net40) (>= net45)) (&& (== net40) (>= netstandard13)) (== net45) (&& (== net45) (== net451)) (&& (== net45) (== net452)) (== net451) (&& (== net451) (== net452)) (== net452)
    System.Runtime.Numerics (4.3) - restriction: || (&& (== net40) (== net45)) (&& (== net40) (== net451)) (&& (== net40) (== net452)) (&& (== net40) (>= net45)) (&& (== net40) (>= netstandard13)) (== net45) (&& (== net45) (== net451)) (&& (== net45) (== net452)) (== net451) (&& (== net451) (== net452)) (== net452)
    System.Text.Encoding (4.3) - restriction: || (&& (== net40) (== net45)) (&& (== net40) (== net451)) (&& (== net40) (== net452)) (&& (== net40) (>= net45)) (&& (== net40) (>= netstandard13)) (== net45) (&& (== net45) (== net451)) (&& (== net45) (== net452)) (== net451) (&& (== net451) (== net452)) (== net452)
    System.Text.Encoding.Extensions (4.3) - restriction: || (&& (== net40) (== net45)) (&& (== net40) (== net451)) (&& (== net40) (== net452)) (&& (== net40) (>= net45)) (&& (== net40) (>= netstandard13)) (== net45) (&& (== net45) (== net451)) (&& (== net45) (== net452)) (== net451) (&& (== net451) (== net452)) (== net452)
    System.Text.RegularExpressions (4.3) - restriction: || (&& (== net40) (== net45)) (&& (== net40) (== net451)) (&& (== net40) (== net452)) (&& (== net40) (>= net45)) (&& (== net40) (>= netstandard13)) (== net45) (&& (== net45) (== net451)) (&& (== net45) (== net452)) (== net451) (&& (== net451) (== net452)) (== net452)
    System.Threading (4.3) - restriction: || (&& (== net40) (== net45)) (&& (== net40) (== net451)) (&& (== net40) (== net452)) (&& (== net40) (>= net45)) (&& (== net40) (>= netstandard13)) (== net45) (&& (== net45) (== net451)) (&& (== net45) (== net452)) (== net451) (&& (== net451) (== net452)) (== net452)
    System.Threading.Tasks (4.3) - restriction: || (&& (== net40) (== net45)) (&& (== net40) (== net451)) (&& (== net40) (== net452)) (&& (== net40) (>= net45)) (&& (== net40) (>= netstandard13)) (== net45) (&& (== net45) (== net451)) (&& (== net45) (== net452)) (== net451) (&& (== net451) (== net452)) (== net452)
    System.Threading.Timer (4.3) - restriction: || (&& (== net40) (== net45) (>= netstandard12)) (&& (== net40) (== net45) (>= netstandard13)) (&& (== net40) (== net451)) (&& (== net40) (== net452)) (&& (== net40) (>= net45) (>= netstandard12)) (&& (== net40) (>= netstandard13)) (&& (== net45) (== net451)) (&& (== net45) (== net452)) (&& (== net45) (>= netstandard12)) (== net451) (&& (== net451) (== net452)) (== net452)
    System.Xml.ReaderWriter (4.3) - restriction: || (&& (== net40) (== net45)) (&& (== net40) (== net451)) (&& (== net40) (== net452)) (&& (== net40) (>= net45)) (&& (== net40) (>= netstandard13)) (== net45) (&& (== net45) (== net451)) (&& (== net45) (== net452)) (== net451) (&& (== net451) (== net452)) (== net452)
    System.Xml.XDocument (4.3) - restriction: || (&& (== net40) (== net45)) (&& (== net40) (== net451)) (&& (== net40) (== net452)) (&& (== net40) (>= net45)) (&& (== net40) (>= netstandard13)) (== net45) (&& (== net45) (== net451)) (&& (== net45) (== net452)) (== net451) (&& (== net451) (== net452)) (== net452)
    xunit (2.0)
      xunit.assert (2.0)
      xunit.core (2.0)
    xunit.abstractions (2.0)
    xunit.assert (2.0)
    xunit.core (2.0)
      xunit.extensibility.core (2.0)
    xunit.extensibility.core (2.0)
      xunit.abstractions (2.0)
    xunit.runner.console (2.1)
    xunit.runner.visualstudio (2.1)
GITHUB
  remote: fsharp/FAKE
    modules/Octokit/Octokit.fsx (b5933798c1944051bf358a460fcdc8ffbd678dfc)
      Octokit (>= 0.20)