REDIRECTS: ON
RESTRICTION: || (== net452) (== netstandard1.5)
NUGET
  remote: https://www.nuget.org/api/v2
    Akka (1.2.3)
      Newtonsoft.Json (>= 9.0.1)
      System.Collections.Immutable (>= 1.3.1)
    Akka.Cluster (1.2.3)
      Akka.Remote (>= 1.2.3)
      Google.ProtocolBuffers (>= 2.4.1.555)
      System.Collections.Immutable (>= 1.3.1)
    Akka.Cluster.Sharding (1.2.3.43-beta)
      Akka.Cluster.Tools (>= 1.2.3)
      Akka.Persistence (>= 1.2.3.43-beta)
      Google.ProtocolBuffers (>= 2.4.1.555)
      System.Collections.Immutable (>= 1.3.1)
    Akka.Cluster.Tools (1.2.3)
      Akka.Cluster (>= 1.2.3)
      Google.ProtocolBuffers (>= 2.4.1.555)
      System.Collections.Immutable (>= 1.3.1)
    Akka.DistributedData (1.2.3.43-beta)
      Akka (>= 1.2.3)
      Google.ProtocolBuffers (>= 2.4.1.555)
      Hyperion (>= 0.9.2)
      System.Collections.Immutable (>= 1.3.1)
    Akka.Persistence (1.2.3.43-beta)
      Akka (>= 1.2.3)
      Google.ProtocolBuffers (>= 2.4.1.555)
      Newtonsoft.Json (>= 9.0.1)
      System.Collections.Immutable (>= 1.3.1)
    Akka.Persistence.Query (1.2.3.43-beta)
      Akka.Persistence (>= 1.2.3.43-beta)
      Akka.Streams (>= 1.2.3)
      Reactive.Streams (>= 1.0.2)
    Akka.Persistence.Query.Sql (1.2.3.43-beta)
      Akka.Persistence.Query (>= 1.2.3.43-beta)
      Akka.Persistence.Sql.Common (>= 1.2.3.43-beta)
      Reactive.Streams (>= 1.0.2)
      System.Collections.Immutable (>= 1.3.1)
    Akka.Persistence.Sql.Common (1.2.3.43-beta)
      Akka.Persistence (>= 1.2.3.43-beta)
      System.Collections.Immutable (>= 1.3.1)
    Akka.Persistence.Sqlite (1.2.3.43-beta)
      Akka.Persistence.Sql.Common (>= 1.2.3.43-beta)
      System.Collections.Immutable (>= 1.3.1)
      System.Data.SQLite.Core (>= 1.0.98)
    Akka.Remote (1.2.3)
      Akka (>= 1.2.3)
      DotNetty.Buffers (>= 0.4.3)
      DotNetty.Codecs (>= 0.4.3)
      DotNetty.Common (>= 0.4.3)
      DotNetty.Handlers (>= 0.4.3)
      DotNetty.Transport (>= 0.4.3)
      Google.ProtocolBuffers (>= 2.4.1.555)
      System.Collections.Immutable (>= 1.3.1)
    Akka.Serialization.Hyperion (1.2.3.43-beta)
      Akka (>= 1.2.3)
      Hyperion (>= 0.9.2)
    Akka.Streams (1.2.3)
      Akka (>= 1.2.3)
      Reactive.Streams (>= 1.0.2)
      System.Collections.Immutable (>= 1.3.1)
    Akka.TestKit (1.2.3)
      Akka (>= 1.2.3)
    Akka.TestKit.Xunit2 (1.0.2)
      Akka.TestKit (>= 1.0.2)
      xunit (>= 2.0)
      xunit.abstractions (>= 2.0)
      xunit.assert (>= 2.0)
      xunit.core (>= 2.0)
      xunit.extensibility.core (>= 2.0)
    Akkling (0.6.1)
      Akka (>= 1.2)
      Akka.Serialization.Hyperion (>= 1.2.0.36-beta)
      FsPickler (>= 3.2)
      FSPowerPack.Linq.Community (>= 3.0)
      Newtonsoft.Json (>= 9.0)
      System.Collections.Immutable (>= 1.3)
    Akkling.Cluster.Sharding (0.6.1)
      Akka (>= 1.2)
      Akka.Cluster (>= 1.2)
      Akka.Cluster.Sharding (>= 1.2.0-prerelease)
      Akka.Cluster.Tools (>= 1.2)
      Akka.Persistence (>= 1.2.0.36-beta)
      Akkling (>= 0.6.1)
      Akkling.Persistence (>= 0.6.1)
      Newtonsoft.Json (>= 9.0)
    Akkling.DistributedData (0.6.1)
      Akka (>= 1.2)
      Akka.Cluster (>= 1.2)
      Akka.DistributedData (>= 1.2.0-prerelease)
      Akkling (>= 0.6.1)
    Akkling.Persistence (0.6.1)
      Akka (>= 1.2)
      Akka.Persistence (>= 1.2.0.36-beta)
      Akkling (>= 0.6.1)
      FSPowerPack.Linq.Community (>= 3.0)
      Newtonsoft.Json (>= 9.0)
    Akkling.Streams (0.6.1)
      Akka (>= 1.2)
      Akka.Streams (>= 1.2)
      Akkling (>= 0.6.1)
      Reactive.Streams (>= 1.0.2)
    Akkling.TestKit (0.3)
      Akka (>= 0.0.0-prerelease)
      Akka.TestKit.Xunit2 (>= 0.0.0-prerelease)
      Akkling (>= 0.3)
      FsCheck.Xunit
    BouncyCastle (1.8.1)
    dlech.Chaos.NaCl (0.1)
    DotNetty.Buffers (0.4.5)
      DotNetty.Common (>= 0.4.5)
      NETStandard.Library (>= 1.6.1) - restriction: || (&& (== net452) (< net45) (>= netstandard1.3)) (== netstandard1.5)
      System.Diagnostics.Contracts (>= 4.3) - restriction: || (&& (== net452) (< net45) (>= netstandard1.3)) (== netstandard1.5)
    DotNetty.Codecs (0.4.5)
      DotNetty.Buffers (>= 0.4.5)
      DotNetty.Common (>= 0.4.5)
      DotNetty.Transport (>= 0.4.5)
      NETStandard.Library (>= 1.6.1) - restriction: || (&& (== net452) (< net45) (>= netstandard1.3)) (== netstandard1.5)
      System.Diagnostics.Contracts (>= 4.3) - restriction: || (&& (== net452) (< net45) (>= netstandard1.3)) (== netstandard1.5)
    DotNetty.Common (0.4.5)
      Microsoft.Extensions.Logging (>= 1.1.1)
      NETStandard.Library (>= 1.6.1) - restriction: || (&& (== net452) (< net45) (>= netstandard1.3)) (== netstandard1.5)
      System.Diagnostics.Contracts (>= 4.3) - restriction: || (&& (== net452) (< net45) (>= netstandard1.3)) (== netstandard1.5)
      System.Net.NetworkInformation (>= 4.3) - restriction: || (&& (== net452) (< net45) (>= netstandard1.3)) (== netstandard1.5)
    DotNetty.Handlers (0.4.5)
      DotNetty.Buffers (>= 0.4.5)
      DotNetty.Codecs (>= 0.4.5)
      DotNetty.Common (>= 0.4.5)
      DotNetty.Transport (>= 0.4.5)
      NETStandard.Library (>= 1.6.1) - restriction: || (&& (== net452) (< net45) (>= netstandard1.3)) (== netstandard1.5)
      System.Diagnostics.Contracts (>= 4.3) - restriction: || (&& (== net452) (< net45) (>= netstandard1.3)) (== netstandard1.5)
      System.Globalization.Extensions (>= 4.3) - restriction: || (&& (== net452) (< net45) (>= netstandard1.3)) (== netstandard1.5)
      System.Net.Security (>= 4.3) - restriction: || (&& (== net452) (< net45) (>= netstandard1.3)) (== netstandard1.5)
    DotNetty.Transport (0.4.5)
      DotNetty.Buffers (>= 0.4.5)
      DotNetty.Common (>= 0.4.5)
      NETStandard.Library (>= 1.6.1) - restriction: || (&& (== net452) (< net45) (>= netstandard1.3)) (== netstandard1.5)
      System.Diagnostics.Contracts (>= 4.3) - restriction: || (&& (== net452) (< net45) (>= netstandard1.3)) (== netstandard1.5)
      System.Diagnostics.StackTrace (>= 4.3) - restriction: || (&& (== net452) (< net45) (>= netstandard1.3)) (== netstandard1.5)
      System.Net.NameResolution (>= 4.3) - restriction: || (&& (== net452) (< net45) (>= netstandard1.3)) (== netstandard1.5)
      System.Net.Primitives (>= 4.3) - restriction: || (&& (== net452) (< net45) (>= netstandard1.3)) (== netstandard1.5)
      System.Net.Sockets (>= 4.3) - restriction: || (&& (== net452) (< net45) (>= netstandard1.3)) (== netstandard1.5)
      System.Reflection.TypeExtensions (>= 4.3) - restriction: || (&& (== net452) (< net45) (>= netstandard1.3)) (== netstandard1.5)
    Dynamitey (1.0.2)
    Edge.js (7.10.1)
    FAKE (4.63)
    FsCheck (2.9)
      FSharp.Core (>= 4.1)
    FsCheck.Xunit (2.0.7)
      FsCheck (>= 2.0.7)
      xunit (>= 1.9.2)
    FSharp.Compiler.Service (2.0.0.6)
    FSharp.Control.AsyncSeq (2.0.12)
    FSharp.Core (4.2.2)
    FSharp.Formatting (2.14.4)
      FSharp.Compiler.Service (2.0.0.6)
      FSharpVSPowerTools.Core (>= 2.3 < 2.4)
    FSharp.Interop.Dynamic (3.0)
      Dynamitey (>= 1.0.2)
      FSharp.Core (>= 3.1.2.1)
    FSharpVSPowerTools.Core (2.3)
      FSharp.Compiler.Service (>= 2.0.0.3)
    FsPickler (3.3)
    FSPowerPack.Core.Community (3.0)
    FSPowerPack.Linq.Community (3.0)
      FSPowerPack.Core.Community
    Google.ProtocolBuffers (2.4.1.555)
    Hyperion (0.9.2)
    Inferno (1.4)
    Jint (2.10.4)
      NETStandard.Library (>= 1.6) - restriction: || (&& (== net452) (< net45) (>= netstandard1.3)) (== netstandard1.5)
      System.Diagnostics.Contracts (>= 4.0.1) - restriction: || (&& (== net452) (< net45) (>= netstandard1.3)) (== netstandard1.5)
      System.Dynamic.Runtime (>= 4.0.11) - restriction: || (&& (== net452) (< net45) (>= netstandard1.3)) (== netstandard1.5)
      System.Reflection.TypeExtensions (>= 4.1) - restriction: || (&& (== net452) (< net45) (>= netstandard1.3)) (== netstandard1.5)
    jose-jwt (2.4)
      Newtonsoft.Json (>= 9.0.1) - restriction: || (&& (== net452) (< net40) (>= netstandard1.4)) (== netstandard1.5)
      System.IO.Compression (>= 4.3) - restriction: || (&& (== net452) (< net40) (>= netstandard1.4)) (== netstandard1.5)
      System.Runtime.InteropServices (>= 4.3) - restriction: || (&& (== net452) (< net40) (>= netstandard1.4)) (== netstandard1.5)
      System.Runtime.Serialization.Primitives (>= 4.3) - restriction: || (&& (== net452) (< net40) (>= netstandard1.4)) (== netstandard1.5)
      System.Security.Cryptography.Algorithms (>= 4.3) - restriction: || (&& (== net452) (< net40) (>= netstandard1.4)) (== netstandard1.5)
      System.Security.Cryptography.Cng (>= 4.3) - restriction: || (&& (== net452) (< net40) (>= netstandard1.4)) (== netstandard1.5)
      System.Security.Cryptography.Csp (>= 4.3) - restriction: || (&& (== net452) (< net40) (>= netstandard1.4)) (== netstandard1.5)
      System.Security.Cryptography.X509Certificates (>= 4.3) - restriction: || (&& (== net452) (< net40) (>= netstandard1.4)) (== netstandard1.5)
    Microsoft.CSharp (4.3) - restriction: || (&& (== net452) (< net20)) (== netstandard1.5)
      System.Collections (>= 4.3) - restriction: || (&& (== net452) (< net45) (>= netstandard1.3)) (&& (== net452) (>= dnxcore50)) (== netstandard1.5)
      System.Diagnostics.Debug (>= 4.3) - restriction: || (&& (== net452) (< net45) (>= netstandard1.3)) (&& (== net452) (>= dnxcore50)) (== netstandard1.5)
      System.Dynamic.Runtime (>= 4.3) - restriction: || (&& (== net452) (< net45)) (&& (== net452) (>= dnxcore50)) (== netstandard1.5)
      System.Globalization (>= 4.3) - restriction: || (&& (== net452) (< net45) (>= netstandard1.3)) (&& (== net452) (>= dnxcore50)) (== netstandard1.5)
      System.Linq (>= 4.3) - restriction: || (&& (== net452) (< net45) (>= netstandard1.3)) (&& (== net452) (>= dnxcore50)) (== netstandard1.5)
      System.Linq.Expressions (>= 4.3) - restriction: || (&& (== net452) (< net45)) (&& (== net452) (>= dnxcore50)) (== netstandard1.5)
      System.ObjectModel (>= 4.3) - restriction: || (&& (== net452) (< net45) (>= netstandard1.3)) (&& (== net452) (>= dnxcore50)) (== netstandard1.5)
      System.Reflection (>= 4.3) - restriction: || (&& (== net452) (< net45) (>= netstandard1.3)) (&& (== net452) (>= dnxcore50)) (== netstandard1.5)
      System.Reflection.Extensions (>= 4.3) - restriction: || (&& (== net452) (< net45) (>= netstandard1.3)) (&& (== net452) (>= dnxcore50)) (== netstandard1.5)
      System.Reflection.Primitives (>= 4.3) - restriction: || (&& (== net452) (< net45) (>= netstandard1.3)) (&& (== net452) (>= dnxcore50)) (== netstandard1.5)
      System.Reflection.TypeExtensions (>= 4.3) - restriction: || (&& (== net452) (< net45) (>= netstandard1.3)) (&& (== net452) (>= dnxcore50)) (== netstandard1.5)
      System.Resources.ResourceManager (>= 4.3) - restriction: || (&& (== net452) (< net45) (>= netstandard1.3)) (&& (== net452) (>= dnxcore50)) (== netstandard1.5)
      System.Runtime (>= 4.3) - restriction: || (&& (== net452) (< net45)) (&& (== net452) (>= dnxcore50)) (== netstandard1.5)
      System.Runtime.Extensions (>= 4.3) - restriction: || (&& (== net452) (< net45) (>= netstandard1.3)) (&& (== net452) (>= dnxcore50)) (== netstandard1.5)
      System.Runtime.InteropServices (>= 4.3) - restriction: || (&& (== net452) (< net45) (>= netstandard1.3)) (&& (== net452) (>= dnxcore50)) (== netstandard1.5)
      System.Threading (>= 4.3) - restriction: || (&& (== net452) (< net45) (>= netstandard1.3)) (&& (== net452) (>= dnxcore50)) (== netstandard1.5)
    Microsoft.Extensions.DependencyInjection.Abstractions (1.1.1)
      NETStandard.Library (>= 1.6.1)
      System.ComponentModel (>= 4.3)
    Microsoft.Extensions.Logging (1.1.2)
      Microsoft.Extensions.DependencyInjection.Abstractions (>= 1.1.1)
      Microsoft.Extensions.Logging.Abstractions (>= 1.1.2)
      NETStandard.Library (>= 1.6.1)
    Microsoft.Extensions.Logging.Abstractions (1.1.2)
      NETStandard.Library (>= 1.6.1)
    Microsoft.FSharpLu (0.9.6050.26231)
    Microsoft.FSharpLu.Json (0.9.6073.20898)
      Newtonsoft.Json (>= 8.0.3)
    Microsoft.NETCore.Platforms (1.1)
    Microsoft.NETCore.Targets (1.1) - restriction: || (&& (== net452) (< net20)) (&& (== net452) (< net40) (>= net463)) (&& (== net452) (< net40) (>= netstandard1.4)) (&& (== net452) (< net40) (>= netstandard1.5)) (&& (== net452) (< net45)) (&& (== net452) (>= dnxcore50)) (&& (== net452) (< netstandard1.1) (>= netstandard1.3)) (&& (== net452) (>= netstandard1.6)) (&& (== net452) (>= netcore1.1)) (== netstandard1.5)
    Microsoft.Win32.Primitives (4.3) - restriction: || (&& (== net452) (< net20) (>= netstandard1.3)) (&& (== net452) (< net45) (>= netstandard1.3)) (&& (== net452) (>= dnxcore50) (>= netstandard1.3)) (&& (== net452) (>= netstandard1.6)) (== netstandard1.5)
      Microsoft.NETCore.Platforms (>= 1.1) - restriction: || (&& (== net452) (>= netstandard1.3)) (== netstandard1.5)
      Microsoft.NETCore.Targets (>= 1.1) - restriction: || (&& (== net452) (>= netstandard1.3)) (== netstandard1.5)
      System.Runtime (>= 4.3) - restriction: || (&& (== net452) (>= netstandard1.3)) (== netstandard1.5)
    NETStandard.Library (1.6.1)
      Microsoft.NETCore.Platforms (>= 1.1)
      Microsoft.Win32.Primitives (>= 4.3) - restriction: || (&& (== net452) (>= netstandard1.3)) (== netstandard1.5)
      System.AppContext (>= 4.3) - restriction: || (&& (== net452) (>= netstandard1.3)) (== netstandard1.5)
      System.Collections (>= 4.3)
      System.Collections.Concurrent (>= 4.3)
      System.Console (>= 4.3) - restriction: || (&& (== net452) (>= netstandard1.3)) (== netstandard1.5)
      System.Diagnostics.Debug (>= 4.3)
      System.Diagnostics.Tools (>= 4.3)
      System.Diagnostics.Tracing (>= 4.3)
      System.Globalization (>= 4.3)
      System.Globalization.Calendars (>= 4.3) - restriction: || (&& (== net452) (>= netstandard1.3)) (== netstandard1.5)
      System.IO (>= 4.3)
      System.IO.Compression (>= 4.3)
      System.IO.Compression.ZipFile (>= 4.3) - restriction: || (&& (== net452) (>= netstandard1.3)) (== netstandard1.5)
      System.IO.FileSystem (>= 4.3) - restriction: || (&& (== net452) (>= netstandard1.3)) (== netstandard1.5)
      System.IO.FileSystem.Primitives (>= 4.3) - restriction: || (&& (== net452) (>= netstandard1.3)) (== netstandard1.5)
      System.Linq (>= 4.3)
      System.Linq.Expressions (>= 4.3)
      System.Net.Http (>= 4.3)
      System.Net.Primitives (>= 4.3)
      System.Net.Sockets (>= 4.3) - restriction: || (&& (== net452) (>= netstandard1.3)) (== netstandard1.5)
      System.ObjectModel (>= 4.3)
      System.Reflection (>= 4.3)
      System.Reflection.Extensions (>= 4.3)
      System.Reflection.Primitives (>= 4.3)
      System.Resources.ResourceManager (>= 4.3)
      System.Runtime (>= 4.3)
      System.Runtime.Extensions (>= 4.3)
      System.Runtime.Handles (>= 4.3) - restriction: || (&& (== net452) (>= netstandard1.3)) (== netstandard1.5)
      System.Runtime.InteropServices (>= 4.3)
      System.Runtime.InteropServices.RuntimeInformation (>= 4.3)
      System.Runtime.Numerics (>= 4.3)
      System.Security.Cryptography.Algorithms (>= 4.3) - restriction: || (&& (== net452) (>= netstandard1.3)) (== netstandard1.5)
      System.Security.Cryptography.Encoding (>= 4.3) - restriction: || (&& (== net452) (>= netstandard1.3)) (== netstandard1.5)
      System.Security.Cryptography.Primitives (>= 4.3) - restriction: || (&& (== net452) (>= netstandard1.3)) (== netstandard1.5)
      System.Security.Cryptography.X509Certificates (>= 4.3) - restriction: || (&& (== net452) (>= netstandard1.3)) (== netstandard1.5)
      System.Text.Encoding (>= 4.3)
      System.Text.Encoding.Extensions (>= 4.3)
      System.Text.RegularExpressions (>= 4.3)
      System.Threading (>= 4.3)
      System.Threading.Tasks (>= 4.3)
      System.Threading.Timer (>= 4.3)
      System.Xml.ReaderWriter (>= 4.3)
      System.Xml.XDocument (>= 4.3)
    Newtonsoft.Json (10.0.3)
      Microsoft.CSharp (>= 4.3) - restriction: || (&& (== net452) (< net20)) (== netstandard1.5)
      NETStandard.Library (>= 1.6.1) - restriction: || (&& (== net452) (< net20)) (== netstandard1.5)
      System.ComponentModel.TypeConverter (>= 4.3) - restriction: || (&& (== net452) (< net20)) (== netstandard1.5)
      System.Runtime.Serialization.Formatters (>= 4.3) - restriction: || (&& (== net452) (< net20) (>= netstandard1.3)) (== netstandard1.5)
      System.Runtime.Serialization.Primitives (>= 4.3) - restriction: || (&& (== net452) (< net20)) (== netstandard1.5)
      System.Xml.XmlDocument (>= 4.3) - restriction: || (&& (== net452) (< net20) (>= netstandard1.3)) (== netstandard1.5)
    Octokit (0.24)
    Reactive.Streams (1.0.2)
      NETStandard.Library (>= 1.6) - restriction: || (&& (== net452) (< net45)) (== netstandard1.5)
    runtime.debian.8-x64.runtime.native.System.Security.Cryptography.OpenSsl (4.3.1) - restriction: || (&& (== net452) (== netstandard1.5)) (&& (== net452) (< net20) (>= netstandard1.3)) (&& (== net452) (< net40) (>= net461)) (&& (== net452) (< net40) (>= netstandard1.4)) (&& (== net452) (>= dnxcore50) (>= netstandard1.4)) (&& (== net452) (>= netstandard1.6)) (== netstandard1.5)
    runtime.fedora.23-x64.runtime.native.System.Security.Cryptography.OpenSsl (4.3.1) - restriction: || (&& (== net452) (== netstandard1.5)) (&& (== net452) (< net20) (>= netstandard1.3)) (&& (== net452) (< net40) (>= net461)) (&& (== net452) (< net40) (>= netstandard1.4)) (&& (== net452) (>= dnxcore50) (>= netstandard1.4)) (&& (== net452) (>= netstandard1.6)) (== netstandard1.5)
    runtime.fedora.24-x64.runtime.native.System.Security.Cryptography.OpenSsl (4.3.1) - restriction: || (&& (== net452) (== netstandard1.5)) (&& (== net452) (< net20) (>= netstandard1.3)) (&& (== net452) (< net40) (>= net461)) (&& (== net452) (< net40) (>= netstandard1.4)) (&& (== net452) (>= dnxcore50) (>= netstandard1.4)) (&& (== net452) (>= netstandard1.6)) (== netstandard1.5)
    runtime.native.System (4.3) - restriction: || (&& (== net452) (< net20)) (&& (== net452) (< net40) (>= netstandard1.4)) (&& (== net452) (< net45) (>= netstandard1.3)) (== netstandard1.5)
      Microsoft.NETCore.Platforms (>= 1.1)
      Microsoft.NETCore.Targets (>= 1.1)
    runtime.native.System.IO.Compression (4.3) - restriction: || (&& (== net452) (< net40) (>= netstandard1.4)) (&& (== net452) (>= dnxcore50) (>= netstandard1.4)) (== netstandard1.5)
      Microsoft.NETCore.Platforms (>= 1.1)
      Microsoft.NETCore.Targets (>= 1.1)
    runtime.native.System.Security.Cryptography.OpenSsl (4.3.1) - restriction: || (&& (== net452) (== netstandard1.5)) (&& (== net452) (< net20) (>= netstandard1.3)) (&& (== net452) (< net40) (>= net461)) (&& (== net452) (< net40) (>= netstandard1.4)) (&& (== net452) (>= dnxcore50) (>= netstandard1.4)) (&& (== net452) (>= netstandard1.6)) (== netstandard1.5)
      runtime.debian.8-x64.runtime.native.System.Security.Cryptography.OpenSsl (>= 4.3.1)
      runtime.fedora.23-x64.runtime.native.System.Security.Cryptography.OpenSsl (>= 4.3.1)
      runtime.fedora.24-x64.runtime.native.System.Security.Cryptography.OpenSsl (>= 4.3.1)
      runtime.opensuse.13.2-x64.runtime.native.System.Security.Cryptography.OpenSsl (>= 4.3.1)
      runtime.opensuse.42.1-x64.runtime.native.System.Security.Cryptography.OpenSsl (>= 4.3.1)
      runtime.osx.10.10-x64.runtime.native.System.Security.Cryptography.OpenSsl (>= 4.3.1)
      runtime.rhel.7-x64.runtime.native.System.Security.Cryptography.OpenSsl (>= 4.3.1)
      runtime.ubuntu.14.04-x64.runtime.native.System.Security.Cryptography.OpenSsl (>= 4.3.1)
      runtime.ubuntu.16.04-x64.runtime.native.System.Security.Cryptography.OpenSsl (>= 4.3.1)
      runtime.ubuntu.16.10-x64.runtime.native.System.Security.Cryptography.OpenSsl (>= 4.3.1)
    runtime.opensuse.13.2-x64.runtime.native.System.Security.Cryptography.OpenSsl (4.3.1) - restriction: || (&& (== net452) (== netstandard1.5)) (&& (== net452) (< net20) (>= netstandard1.3)) (&& (== net452) (< net40) (>= net461)) (&& (== net452) (< net40) (>= netstandard1.4)) (&& (== net452) (>= dnxcore50) (>= netstandard1.4)) (&& (== net452) (>= netstandard1.6)) (== netstandard1.5)
    runtime.opensuse.42.1-x64.runtime.native.System.Security.Cryptography.OpenSsl (4.3.1) - restriction: || (&& (== net452) (== netstandard1.5)) (&& (== net452) (< net20) (>= netstandard1.3)) (&& (== net452) (< net40) (>= net461)) (&& (== net452) (< net40) (>= netstandard1.4)) (&& (== net452) (>= dnxcore50) (>= netstandard1.4)) (&& (== net452) (>= netstandard1.6)) (== netstandard1.5)
    runtime.osx.10.10-x64.runtime.native.System.Security.Cryptography.OpenSsl (4.3.1) - restriction: || (&& (== net452) (== netstandard1.5)) (&& (== net452) (< net20) (>= netstandard1.3)) (&& (== net452) (< net40) (>= net461)) (&& (== net452) (< net40) (>= netstandard1.4)) (&& (== net452) (>= dnxcore50) (>= netstandard1.4)) (&& (== net452) (>= netstandard1.6)) (== netstandard1.5)
    runtime.rhel.7-x64.runtime.native.System.Security.Cryptography.OpenSsl (4.3.1) - restriction: || (&& (== net452) (== netstandard1.5)) (&& (== net452) (< net20) (>= netstandard1.3)) (&& (== net452) (< net40) (>= net461)) (&& (== net452) (< net40) (>= netstandard1.4)) (&& (== net452) (>= dnxcore50) (>= netstandard1.4)) (&& (== net452) (>= netstandard1.6)) (== netstandard1.5)
    runtime.ubuntu.14.04-x64.runtime.native.System.Security.Cryptography.OpenSsl (4.3.1) - restriction: || (&& (== net452) (== netstandard1.5)) (&& (== net452) (< net20) (>= netstandard1.3)) (&& (== net452) (< net40) (>= net461)) (&& (== net452) (< net40) (>= netstandard1.4)) (&& (== net452) (>= dnxcore50) (>= netstandard1.4)) (&& (== net452) (>= netstandard1.6)) (== netstandard1.5)
    runtime.ubuntu.16.04-x64.runtime.native.System.Security.Cryptography.OpenSsl (4.3.1) - restriction: || (&& (== net452) (== netstandard1.5)) (&& (== net452) (< net20) (>= netstandard1.3)) (&& (== net452) (< net40) (>= net461)) (&& (== net452) (< net40) (>= netstandard1.4)) (&& (== net452) (>= dnxcore50) (>= netstandard1.4)) (&& (== net452) (>= netstandard1.6)) (== netstandard1.5)
    runtime.ubuntu.16.10-x64.runtime.native.System.Security.Cryptography.OpenSsl (4.3.1) - restriction: || (&& (== net452) (== netstandard1.5)) (&& (== net452) (< net20) (>= netstandard1.3)) (&& (== net452) (< net40) (>= net461)) (&& (== net452) (< net40) (>= netstandard1.4)) (&& (== net452) (>= dnxcore50) (>= netstandard1.4)) (&& (== net452) (>= netstandard1.6)) (== netstandard1.5)
    SourceLink (1.1)
    System.AppContext (4.3) - restriction: || (&& (== net452) (< net20) (>= netstandard1.3)) (== netstandard1.5)
      System.Runtime (>= 4.3) - restriction: || (&& (== net452) (>= dnxcore50)) (&& (== net452) (>= netstandard1.3)) (&& (== net452) (>= netstandard1.6)) (== netstandard1.5)
    System.Buffers (4.3) - restriction: || (&& (== net452) (< net20) (>= netstandard1.3)) (&& (== net452) (< net40) (>= netstandard1.4)) (&& (== net452) (>= dnxcore50) (>= netstandard1.4)) (== netstandard1.5)
      System.Diagnostics.Debug (>= 4.3) - restriction: || (&& (== net452) (< net45)) (== netstandard1.5)
      System.Diagnostics.Tracing (>= 4.3) - restriction: || (&& (== net452) (< net45)) (== netstandard1.5)
      System.Resources.ResourceManager (>= 4.3) - restriction: || (&& (== net452) (< net45)) (== netstandard1.5)
      System.Runtime (>= 4.3) - restriction: || (&& (== net452) (< net45)) (== netstandard1.5)
      System.Threading (>= 4.3) - restriction: || (&& (== net452) (< net45)) (== netstandard1.5)
    System.Collections (4.3)
      Microsoft.NETCore.Platforms (>= 1.1) - restriction: || (&& (== net452) (< net45)) (&& (== net452) (>= dnxcore50)) (== netstandard1.5)
      Microsoft.NETCore.Targets (>= 1.1) - restriction: || (&& (== net452) (< net45)) (&& (== net452) (>= dnxcore50)) (== netstandard1.5)
      System.Runtime (>= 4.3) - restriction: || (&& (== net452) (< net45)) (&& (== net452) (>= dnxcore50)) (== netstandard1.5)
    System.Collections.Concurrent (4.3)
      System.Collections (>= 4.3) - restriction: || (&& (== net452) (< net45) (>= netstandard1.3)) (&& (== net452) (>= dnxcore50)) (== netstandard1.5)
      System.Diagnostics.Debug (>= 4.3) - restriction: || (&& (== net452) (< net45) (>= netstandard1.3)) (&& (== net452) (>= dnxcore50)) (== netstandard1.5)
      System.Diagnostics.Tracing (>= 4.3) - restriction: || (&& (== net452) (< net45) (>= netstandard1.3)) (&& (== net452) (>= dnxcore50)) (== netstandard1.5)
      System.Globalization (>= 4.3) - restriction: || (&& (== net452) (< net45) (>= netstandard1.3)) (&& (== net452) (>= dnxcore50)) (== netstandard1.5)
      System.Reflection (>= 4.3) - restriction: || (&& (== net452) (< net45) (>= netstandard1.3)) (== netstandard1.5)
      System.Resources.ResourceManager (>= 4.3) - restriction: || (&& (== net452) (< net45) (>= netstandard1.3)) (&& (== net452) (>= dnxcore50)) (== netstandard1.5)
      System.Runtime (>= 4.3) - restriction: || (&& (== net452) (< net45)) (&& (== net452) (>= dnxcore50)) (== netstandard1.5)
      System.Runtime.Extensions (>= 4.3) - restriction: || (&& (== net452) (< net45) (>= netstandard1.3)) (&& (== net452) (>= dnxcore50)) (== netstandard1.5)
      System.Threading (>= 4.3) - restriction: || (&& (== net452) (< net45) (>= netstandard1.3)) (&& (== net452) (>= dnxcore50)) (== netstandard1.5)
      System.Threading.Tasks (>= 4.3) - restriction: || (&& (== net452) (< net45)) (&& (== net452) (>= dnxcore50)) (== netstandard1.5)
    System.Collections.Immutable (1.3.1)
      System.Collections (>= 4.3) - restriction: || (&& (== net452) (< net45)) (== netstandard1.5)
      System.Diagnostics.Debug (>= 4.3) - restriction: || (&& (== net452) (< net45)) (== netstandard1.5)
      System.Globalization (>= 4.3) - restriction: || (&& (== net452) (< net45)) (== netstandard1.5)
      System.Linq (>= 4.3) - restriction: || (&& (== net452) (< net45)) (== netstandard1.5)
      System.Resources.ResourceManager (>= 4.3) - restriction: || (&& (== net452) (< net45)) (== netstandard1.5)
      System.Runtime (>= 4.3) - restriction: || (&& (== net452) (< net45)) (== netstandard1.5)
      System.Runtime.Extensions (>= 4.3) - restriction: || (&& (== net452) (< net45)) (== netstandard1.5)
      System.Threading (>= 4.3) - restriction: || (&& (== net452) (< net45)) (== netstandard1.5)
    System.Collections.NonGeneric (4.3) - restriction: || (&& (== net452) (< net20) (>= net462)) (&& (== net452) (< net20) (>= netstandard1.5)) (== netstandard1.5)
      System.Diagnostics.Debug (>= 4.3) - restriction: || (&& (== net452) (>= netstandard1.3)) (== netstandard1.5)
      System.Globalization (>= 4.3) - restriction: || (&& (== net452) (>= netstandard1.3)) (== netstandard1.5)
      System.Resources.ResourceManager (>= 4.3) - restriction: || (&& (== net452) (>= netstandard1.3)) (== netstandard1.5)
      System.Runtime (>= 4.3) - restriction: || (&& (== net452) (>= netstandard1.3)) (== netstandard1.5)
      System.Runtime.Extensions (>= 4.3) - restriction: || (&& (== net452) (>= netstandard1.3)) (== netstandard1.5)
      System.Threading (>= 4.3) - restriction: || (&& (== net452) (>= netstandard1.3)) (== netstandard1.5)
    System.Collections.Specialized (4.3) - restriction: || (&& (== net452) (< net20) (>= netstandard1.5)) (== netstandard1.5)
      System.Collections.NonGeneric (>= 4.3) - restriction: || (&& (== net452) (>= netstandard1.3)) (== netstandard1.5)
      System.Globalization (>= 4.3) - restriction: || (&& (== net452) (>= netstandard1.3)) (== netstandard1.5)
      System.Globalization.Extensions (>= 4.3) - restriction: || (&& (== net452) (>= netstandard1.3)) (== netstandard1.5)
      System.Resources.ResourceManager (>= 4.3) - restriction: || (&& (== net452) (>= netstandard1.3)) (== netstandard1.5)
      System.Runtime (>= 4.3) - restriction: || (&& (== net452) (>= netstandard1.3)) (== netstandard1.5)
      System.Runtime.Extensions (>= 4.3) - restriction: || (&& (== net452) (>= netstandard1.3)) (== netstandard1.5)
      System.Threading (>= 4.3) - restriction: || (&& (== net452) (>= netstandard1.3)) (== netstandard1.5)
    System.ComponentModel (4.3)
      System.Runtime (>= 4.3) - restriction: || (&& (== net452) (< net45)) (&& (== net452) (>= dnxcore50)) (== netstandard1.5)
    System.ComponentModel.Primitives (4.3) - restriction: || (&& (== net452) (< net20)) (&& (== net452) (< netstandard1.0) (>= win8)) (&& (== net452) (>= wp8)) (&& (== net452) (>= wpa81)) (== netstandard1.5)
      System.ComponentModel (>= 4.3) - restriction: || (&& (== net452) (< net45)) (== netstandard1.5)
      System.Resources.ResourceManager (>= 4.3) - restriction: || (&& (== net452) (< net45)) (== netstandard1.5)
      System.Runtime (>= 4.3) - restriction: || (&& (== net452) (< net45)) (== netstandard1.5)
    System.ComponentModel.TypeConverter (4.3) - restriction: || (&& (== net452) (< net20)) (== netstandard1.5)
      System.Collections (>= 4.3) - restriction: || (&& (== net452) (< net45)) (== netstandard1.5)
      System.Collections.NonGeneric (>= 4.3) - restriction: || (&& (== net452) (< net45) (>= netstandard1.5)) (&& (== net452) (>= net462)) (== netstandard1.5)
      System.Collections.Specialized (>= 4.3) - restriction: || (&& (== net452) (< net45) (>= netstandard1.5)) (== netstandard1.5)
      System.ComponentModel (>= 4.3) - restriction: || (&& (== net452) (< net45)) (== netstandard1.5)
      System.ComponentModel.Primitives (>= 4.3)
      System.Globalization (>= 4.3) - restriction: || (&& (== net452) (< net45)) (== netstandard1.5)
      System.Linq (>= 4.3) - restriction: || (&& (== net452) (< net45) (>= netstandard1.5)) (== netstandard1.5)
      System.Reflection (>= 4.3) - restriction: || (&& (== net452) (< net45)) (== netstandard1.5)
      System.Reflection.Extensions (>= 4.3) - restriction: || (&& (== net452) (< net45)) (== netstandard1.5)
      System.Reflection.Primitives (>= 4.3) - restriction: || (&& (== net452) (< net45)) (== netstandard1.5)
      System.Reflection.TypeExtensions (>= 4.3) - restriction: || (&& (== net452) (< net45) (>= netstandard1.5)) (== netstandard1.5)
      System.Resources.ResourceManager (>= 4.3) - restriction: || (&& (== net452) (< net45)) (== netstandard1.5)
      System.Runtime (>= 4.3) - restriction: || (&& (== net452) (< net45)) (== netstandard1.5)
      System.Runtime.Extensions (>= 4.3) - restriction: || (&& (== net452) (< net45)) (== netstandard1.5)
      System.Threading (>= 4.3) - restriction: || (&& (== net452) (< net45)) (== netstandard1.5)
    System.Console (4.3) - restriction: || (&& (== net452) (< net20) (>= netstandard1.3)) (== netstandard1.5)
      Microsoft.NETCore.Platforms (>= 1.1) - restriction: || (&& (== net452) (>= netstandard1.3)) (== netstandard1.5)
      Microsoft.NETCore.Targets (>= 1.1) - restriction: || (&& (== net452) (>= netstandard1.3)) (== netstandard1.5)
      System.IO (>= 4.3) - restriction: || (&& (== net452) (>= netstandard1.3)) (== netstandard1.5)
      System.Runtime (>= 4.3) - restriction: || (&& (== net452) (>= netstandard1.3)) (== netstandard1.5)
      System.Text.Encoding (>= 4.3) - restriction: || (&& (== net452) (>= netstandard1.3)) (== netstandard1.5)
    System.Data.SQLite.Core (1.0.105.2)
    System.Diagnostics.Contracts (4.3) - restriction: || (&& (== net452) (< net45) (>= netstandard1.3)) (== netstandard1.5)
      System.Runtime (>= 4.3) - restriction: || (&& (== net452) (< net45)) (&& (== net452) (>= dnxcore50)) (== netstandard1.5)
    System.Diagnostics.Debug (4.3)
      Microsoft.NETCore.Platforms (>= 1.1) - restriction: || (&& (== net452) (< net45)) (&& (== net452) (>= dnxcore50)) (== netstandard1.5)
      Microsoft.NETCore.Targets (>= 1.1) - restriction: || (&& (== net452) (< net45)) (&& (== net452) (>= dnxcore50)) (== netstandard1.5)
      System.Runtime (>= 4.3) - restriction: || (&& (== net452) (< net45)) (&& (== net452) (>= dnxcore50)) (== netstandard1.5)
    System.Diagnostics.DiagnosticSource (4.4) - restriction: || (&& (== net452) (== netstandard1.5)) (&& (== net452) (< net20) (>= netstandard1.3)) (&& (== net452) (>= dnxcore50)) (&& (== net452) (>= netstandard1.6)) (== netstandard1.5)
      System.Collections (>= 4.3) - restriction: || (&& (== net452) (< net45)) (== netstandard1.5)
      System.Diagnostics.Debug (>= 4.3) - restriction: || (&& (== net452) (< net45) (>= netstandard1.3)) (== netstandard1.5)
      System.Diagnostics.Tracing (>= 4.3) - restriction: || (&& (== net452) (< net45)) (== netstandard1.5)
      System.Reflection (>= 4.3) - restriction: || (&& (== net452) (< net45)) (== netstandard1.5)
      System.Runtime (>= 4.3) - restriction: || (&& (== net452) (< net45)) (== netstandard1.5)
      System.Runtime.Extensions (>= 4.3) - restriction: || (&& (== net452) (< net45) (>= netstandard1.3)) (== netstandard1.5)
      System.Threading (>= 4.3) - restriction: || (&& (== net452) (< net45)) (== netstandard1.5)
    System.Diagnostics.StackTrace (4.3) - restriction: || (&& (== net452) (< net45) (>= netstandard1.3)) (== netstandard1.5)
      System.IO.FileSystem (>= 4.3) - restriction: || (&& (== net452) (>= netstandard1.3)) (== netstandard1.5)
      System.Reflection (>= 4.3) - restriction: || (&& (== net452) (>= netstandard1.3)) (== netstandard1.5)
      System.Reflection.Metadata (>= 1.4.1) - restriction: || (&& (== net452) (>= netstandard1.3)) (== netstandard1.5)
      System.Runtime (>= 4.3) - restriction: || (&& (== net452) (>= netstandard1.3)) (== netstandard1.5)
    System.Diagnostics.Tools (4.3)
      Microsoft.NETCore.Platforms (>= 1.1) - restriction: || (&& (== net452) (< net45)) (&& (== net452) (>= dnxcore50)) (== netstandard1.5)
      Microsoft.NETCore.Targets (>= 1.1) - restriction: || (&& (== net452) (< net45)) (&& (== net452) (>= dnxcore50)) (== netstandard1.5)
      System.Runtime (>= 4.3) - restriction: || (&& (== net452) (< net45)) (&& (== net452) (>= dnxcore50)) (== netstandard1.5)
    System.Diagnostics.Tracing (4.3)
      Microsoft.NETCore.Platforms (>= 1.1) - restriction: || (&& (== net452) (< net45)) (&& (== net452) (>= dnxcore50)) (== netstandard1.5)
      Microsoft.NETCore.Targets (>= 1.1) - restriction: || (&& (== net452) (< net45)) (&& (== net452) (>= dnxcore50)) (== netstandard1.5)
      System.Runtime (>= 4.3) - restriction: || (&& (== net452) (< net45)) (&& (== net452) (>= dnxcore50)) (== netstandard1.5)
    System.Dynamic.Runtime (4.3) - restriction: || (&& (== net452) (< net20)) (&& (== net452) (< net45) (>= netstandard1.3)) (&& (== net452) (>= dnxcore50)) (== netstandard1.5)
      System.Collections (>= 4.3) - restriction: || (&& (== net452) (< net45) (>= netstandard1.3)) (&& (== net452) (>= dnxcore50)) (== netstandard1.5)
      System.Diagnostics.Debug (>= 4.3) - restriction: || (&& (== net452) (< net45) (>= netstandard1.3)) (&& (== net452) (>= dnxcore50)) (== netstandard1.5)
      System.Linq (>= 4.3) - restriction: || (&& (== net452) (< net45) (>= netstandard1.3)) (&& (== net452) (>= dnxcore50)) (== netstandard1.5)
      System.Linq.Expressions (>= 4.3) - restriction: || (&& (== net452) (< net45)) (&& (== net452) (>= dnxcore50)) (== netstandard1.5)
      System.ObjectModel (>= 4.3) - restriction: || (&& (== net452) (< net45)) (&& (== net452) (>= dnxcore50)) (== netstandard1.5)
      System.Reflection (>= 4.3) - restriction: || (&& (== net452) (< net45)) (&& (== net452) (>= dnxcore50)) (== netstandard1.5)
      System.Reflection.Emit (>= 4.3) - restriction: || (&& (== net452) (< net45) (>= netstandard1.3)) (== netstandard1.5)
      System.Reflection.Emit.ILGeneration (>= 4.3) - restriction: || (&& (== net452) (< net45) (>= netstandard1.3)) (== netstandard1.5)
      System.Reflection.Primitives (>= 4.3) - restriction: || (&& (== net452) (< net45) (>= netstandard1.3)) (== netstandard1.5)
      System.Reflection.TypeExtensions (>= 4.3) - restriction: || (&& (== net452) (< net45) (>= netstandard1.3)) (&& (== net452) (>= dnxcore50)) (== netstandard1.5)
      System.Resources.ResourceManager (>= 4.3) - restriction: || (&& (== net452) (< net45) (>= netstandard1.3)) (&& (== net452) (>= dnxcore50)) (== netstandard1.5)
      System.Runtime (>= 4.3) - restriction: || (&& (== net452) (< net45)) (&& (== net452) (>= dnxcore50)) (== netstandard1.5)
      System.Runtime.Extensions (>= 4.3) - restriction: || (&& (== net452) (< net45) (>= netstandard1.3)) (&& (== net452) (>= dnxcore50)) (== netstandard1.5)
      System.Threading (>= 4.3) - restriction: || (&& (== net452) (< net45) (>= netstandard1.3)) (&& (== net452) (>= dnxcore50)) (== netstandard1.5)
    System.Globalization (4.3)
      Microsoft.NETCore.Platforms (>= 1.1) - restriction: || (&& (== net452) (< net45)) (&& (== net452) (>= dnxcore50)) (== netstandard1.5)
      Microsoft.NETCore.Targets (>= 1.1) - restriction: || (&& (== net452) (< net45)) (&& (== net452) (>= dnxcore50)) (== netstandard1.5)
      System.Runtime (>= 4.3) - restriction: || (&& (== net452) (< net45)) (&& (== net452) (>= dnxcore50)) (== netstandard1.5)
    System.Globalization.Calendars (4.3) - restriction: || (&& (== net452) (< net20) (>= netstandard1.3)) (== netstandard1.5)
      Microsoft.NETCore.Platforms (>= 1.1) - restriction: || (&& (== net452) (>= netstandard1.3)) (== netstandard1.5)
      Microsoft.NETCore.Targets (>= 1.1) - restriction: || (&& (== net452) (>= netstandard1.3)) (== netstandard1.5)
      System.Globalization (>= 4.3) - restriction: || (&& (== net452) (>= netstandard1.3)) (== netstandard1.5)
      System.Runtime (>= 4.3) - restriction: || (&& (== net452) (>= netstandard1.3)) (== netstandard1.5)
    System.Globalization.Extensions (4.3) - restriction: || (&& (== net452) (< net45) (>= netstandard1.3)) (== netstandard1.5)
      Microsoft.NETCore.Platforms (>= 1.1) - restriction: || (&& (== net452) (>= netstandard1.3)) (== netstandard1.5)
      System.Globalization (>= 4.3) - restriction: || (&& (== net452) (>= netstandard1.3)) (== netstandard1.5)
      System.Resources.ResourceManager (>= 4.3) - restriction: || (&& (== net452) (>= netstandard1.3)) (== netstandard1.5)
      System.Runtime (>= 4.3) - restriction: || (&& (== net452) (>= netstandard1.3)) (== netstandard1.5)
      System.Runtime.Extensions (>= 4.3) - restriction: || (&& (== net452) (>= netstandard1.3)) (== netstandard1.5)
      System.Runtime.InteropServices (>= 4.3) - restriction: || (&& (== net452) (>= netstandard1.3)) (== netstandard1.5)
    System.IO (4.3)
      Microsoft.NETCore.Platforms (>= 1.1) - restriction: || (&& (== net452) (< net45)) (&& (== net452) (>= dnxcore50)) (== netstandard1.5)
      Microsoft.NETCore.Targets (>= 1.1) - restriction: || (&& (== net452) (< net45)) (&& (== net452) (>= dnxcore50)) (== netstandard1.5)
      System.Runtime (>= 4.3) - restriction: || (&& (== net452) (< net45)) (&& (== net452) (>= dnxcore50)) (== netstandard1.5)
      System.Text.Encoding (>= 4.3) - restriction: || (&& (== net452) (< net45)) (&& (== net452) (>= dnxcore50)) (== netstandard1.5)
      System.Threading.Tasks (>= 4.3) - restriction: || (&& (== net452) (< net45)) (&& (== net452) (>= dnxcore50)) (== netstandard1.5)
    System.IO.Compression (4.3)
      Microsoft.NETCore.Platforms (>= 1.1) - restriction: || (&& (== net452) (< net45) (>= netstandard1.3)) (== netstandard1.5)
      runtime.native.System (>= 4.3) - restriction: || (&& (== net452) (< net45) (>= netstandard1.3)) (== netstandard1.5)
      runtime.native.System.IO.Compression (>= 4.3) - restriction: || (&& (== net452) (< net45) (>= netstandard1.3)) (&& (== net452) (>= dnxcore50)) (== netstandard1.5)
      System.Buffers (>= 4.3) - restriction: || (&& (== net452) (< net45) (>= netstandard1.3)) (&& (== net452) (>= dnxcore50)) (== netstandard1.5)
      System.Collections (>= 4.3) - restriction: || (&& (== net452) (< net45) (>= netstandard1.3)) (&& (== net452) (>= dnxcore50)) (== netstandard1.5)
      System.Diagnostics.Debug (>= 4.3) - restriction: || (&& (== net452) (< net45) (>= netstandard1.3)) (&& (== net452) (>= dnxcore50)) (== netstandard1.5)
      System.IO (>= 4.3) - restriction: || (&& (== net452) (< net45)) (&& (== net452) (>= dnxcore50)) (== netstandard1.5)
      System.Resources.ResourceManager (>= 4.3) - restriction: || (&& (== net452) (< net45) (>= netstandard1.3)) (&& (== net452) (>= dnxcore50)) (== netstandard1.5)
      System.Runtime (>= 4.3) - restriction: || (&& (== net452) (< net45)) (&& (== net452) (>= dnxcore50)) (== netstandard1.5)
      System.Runtime.Extensions (>= 4.3) - restriction: || (&& (== net452) (< net45) (>= netstandard1.3)) (&& (== net452) (>= dnxcore50)) (== netstandard1.5)
      System.Runtime.Handles (>= 4.3) - restriction: || (&& (== net452) (< net45) (>= netstandard1.3)) (&& (== net452) (>= dnxcore50)) (== netstandard1.5)
      System.Runtime.InteropServices (>= 4.3) - restriction: || (&& (== net452) (< net45) (>= netstandard1.3)) (&& (== net452) (>= dnxcore50)) (== netstandard1.5)
      System.Text.Encoding (>= 4.3) - restriction: || (&& (== net452) (< net45)) (&& (== net452) (>= dnxcore50)) (== netstandard1.5)
      System.Threading (>= 4.3) - restriction: || (&& (== net452) (< net45) (>= netstandard1.3)) (&& (== net452) (>= dnxcore50)) (== netstandard1.5)
      System.Threading.Tasks (>= 4.3) - restriction: || (&& (== net452) (< net45) (>= netstandard1.3)) (&& (== net452) (>= dnxcore50)) (== netstandard1.5)
    System.IO.Compression.ZipFile (4.3) - restriction: || (&& (== net452) (< net20) (>= netstandard1.3)) (== netstandard1.5)
      System.Buffers (>= 4.3) - restriction: || (&& (== net452) (>= netstandard1.3)) (== netstandard1.5)
      System.IO (>= 4.3) - restriction: || (&& (== net452) (>= netstandard1.3)) (== netstandard1.5)
      System.IO.Compression (>= 4.3) - restriction: || (&& (== net452) (>= netstandard1.3)) (== netstandard1.5)
      System.IO.FileSystem (>= 4.3) - restriction: || (&& (== net452) (>= netstandard1.3)) (== netstandard1.5)
      System.IO.FileSystem.Primitives (>= 4.3) - restriction: || (&& (== net452) (>= netstandard1.3)) (== netstandard1.5)
      System.Resources.ResourceManager (>= 4.3) - restriction: || (&& (== net452) (>= netstandard1.3)) (== netstandard1.5)
      System.Runtime (>= 4.3) - restriction: || (&& (== net452) (>= netstandard1.3)) (== netstandard1.5)
      System.Runtime.Extensions (>= 4.3) - restriction: || (&& (== net452) (>= netstandard1.3)) (== netstandard1.5)
      System.Text.Encoding (>= 4.3) - restriction: || (&& (== net452) (>= netstandard1.3)) (== netstandard1.5)
    System.IO.FileSystem (4.3) - restriction: || (&& (== net452) (< net20) (>= netstandard1.3)) (&& (== net452) (< net45) (>= netstandard1.3)) (== netstandard1.5)
      Microsoft.NETCore.Platforms (>= 1.1) - restriction: || (&& (== net452) (>= netstandard1.3)) (== netstandard1.5)
      Microsoft.NETCore.Targets (>= 1.1) - restriction: || (&& (== net452) (>= netstandard1.3)) (== netstandard1.5)
      System.IO (>= 4.3) - restriction: || (&& (== net452) (>= netstandard1.3)) (== netstandard1.5)
      System.IO.FileSystem.Primitives (>= 4.3) - restriction: || (&& (== net452) (>= net46)) (&& (== net452) (>= netstandard1.3)) (== netstandard1.5)
      System.Runtime (>= 4.3) - restriction: || (&& (== net452) (>= netstandard1.3)) (== netstandard1.5)
      System.Runtime.Handles (>= 4.3) - restriction: || (&& (== net452) (>= netstandard1.3)) (== netstandard1.5)
      System.Text.Encoding (>= 4.3) - restriction: || (&& (== net452) (>= netstandard1.3)) (== netstandard1.5)
      System.Threading.Tasks (>= 4.3) - restriction: || (&& (== net452) (>= netstandard1.3)) (== netstandard1.5)
    System.IO.FileSystem.Primitives (4.3) - restriction: || (&& (== net452) (< net20) (>= net46)) (&& (== net452) (< net20) (>= netstandard1.3)) (&& (== net452) (< net45) (>= netstandard1.3)) (== netstandard1.5)
      System.Runtime (>= 4.3) - restriction: || (&& (== net452) (>= netstandard1.3)) (== netstandard1.5)
    System.Linq (4.3)
      System.Collections (>= 4.3) - restriction: || (&& (== net452) (< net45)) (&& (== net452) (>= dnxcore50)) (&& (== net452) (>= netstandard1.6)) (== netstandard1.5)
      System.Runtime (>= 4.3) - restriction: || (&& (== net452) (< net45)) (&& (== net452) (>= dnxcore50)) (&& (== net452) (>= netstandard1.6)) (== netstandard1.5)
    System.Linq.Expressions (4.3)
      System.Reflection (>= 4.3) - restriction: || (&& (== net452) (< net45)) (&& (== net452) (>= dnxcore50)) (&& (== net452) (>= netstandard1.6)) (== netstandard1.5)
      System.Runtime (>= 4.3) - restriction: || (&& (== net452) (< net45)) (&& (== net452) (>= dnxcore50)) (&& (== net452) (>= netstandard1.6)) (== netstandard1.5)
    System.Net.Http (4.3.2)
      Microsoft.NETCore.Platforms (>= 1.1) - restriction: || (&& (== net452) (< net45) (>= netstandard1.3)) (&& (== net452) (>= dnxcore50)) (&& (== net452) (>= netstandard1.6)) (== netstandard1.5)
      Microsoft.Win32.Primitives (>= 4.3) - restriction: || (&& (== net452) (< net45) (>= netstandard1.3)) (== netstandard1.5)
      System.Collections (>= 4.3) - restriction: || (&& (== net452) (< net45) (>= netstandard1.3)) (&& (== net452) (>= dnxcore50)) (&& (== net452) (>= netstandard1.6)) (== netstandard1.5)
      System.Diagnostics.Debug (>= 4.3) - restriction: || (&& (== net452) (< net45) (>= netstandard1.3)) (&& (== net452) (>= dnxcore50)) (&& (== net452) (>= netstandard1.6)) (== netstandard1.5)
      System.Diagnostics.DiagnosticSource (>= 4.3) - restriction: || (&& (== net452) (< net45) (>= netstandard1.3)) (&& (== net452) (>= dnxcore50)) (&& (== net452) (>= netstandard1.6)) (== netstandard1.5)
      System.Diagnostics.Tracing (>= 4.3) - restriction: || (&& (== net452) (< net45) (>= netstandard1.3)) (&& (== net452) (>= dnxcore50)) (&& (== net452) (>= netstandard1.6)) (== netstandard1.5)
      System.Globalization (>= 4.3) - restriction: || (&& (== net452) (< net45) (>= netstandard1.3)) (&& (== net452) (>= dnxcore50)) (&& (== net452) (>= netstandard1.6)) (== netstandard1.5)
      System.IO (>= 4.3) - restriction: || (&& (== net452) (< net45)) (&& (== net452) (>= dnxcore50)) (&& (== net452) (>= netstandard1.6)) (== netstandard1.5)
      System.IO.Compression (>= 4.3) - restriction: || (&& (== net452) (< net45) (>= netstandard1.3)) (== netstandard1.5)
      System.Net.Primitives (>= 4.3) - restriction: || (&& (== net452) (< net45)) (&& (== net452) (>= dnxcore50)) (&& (== net452) (>= netstandard1.6)) (== netstandard1.5)
      System.Resources.ResourceManager (>= 4.3) - restriction: || (&& (== net452) (< net45) (>= netstandard1.3)) (&& (== net452) (>= dnxcore50)) (&& (== net452) (>= netstandard1.6)) (== netstandard1.5)
      System.Runtime (>= 4.3) - restriction: || (&& (== net452) (< net45)) (&& (== net452) (>= dnxcore50)) (&& (== net452) (>= netstandard1.6)) (== netstandard1.5)
      System.Runtime.Extensions (>= 4.3) - restriction: || (&& (== net452) (< net45) (>= netstandard1.3)) (&& (== net452) (>= dnxcore50)) (&& (== net452) (>= netstandard1.6)) (== netstandard1.5)
      System.Runtime.Handles (>= 4.3) - restriction: || (&& (== net452) (< net45) (>= netstandard1.3)) (&& (== net452) (>= netstandard1.6)) (== netstandard1.5)
      System.Runtime.InteropServices (>= 4.3) - restriction: || (&& (== net452) (< net45) (>= netstandard1.3)) (&& (== net452) (>= dnxcore50)) (&& (== net452) (>= netstandard1.6)) (== netstandard1.5)
      System.Security.Cryptography.Encoding (>= 4.3) - restriction: || (&& (== net452) (< net45) (>= netstandard1.3)) (&& (== net452) (>= netstandard1.6)) (== netstandard1.5)
      System.Security.Cryptography.X509Certificates (>= 4.3) - restriction: || (&& (== net452) (< net45) (>= netstandard1.3)) (&& (== net452) (>= net46)) (&& (== net452) (>= dnxcore50)) (&& (== net452) (>= netstandard1.6)) (== netstandard1.5)
      System.Text.Encoding (>= 4.3) - restriction: || (&& (== net452) (< net45)) (&& (== net452) (>= dnxcore50)) (&& (== net452) (>= netstandard1.6)) (== netstandard1.5)
      System.Threading (>= 4.3) - restriction: || (&& (== net452) (< net45) (>= netstandard1.3)) (&& (== net452) (>= dnxcore50)) (&& (== net452) (>= netstandard1.6)) (== netstandard1.5)
      System.Threading.Tasks (>= 4.3) - restriction: || (&& (== net452) (< net45)) (&& (== net452) (>= dnxcore50)) (&& (== net452) (>= netstandard1.6)) (== netstandard1.5)
    System.Net.NameResolution (4.3) - restriction: || (&& (== net452) (< net45) (>= netstandard1.3)) (== netstandard1.5)
      Microsoft.NETCore.Platforms (>= 1.1) - restriction: || (&& (== net452) (>= dnxcore50)) (&& (== net452) (>= netstandard1.3)) (== netstandard1.5)
      runtime.native.System (>= 4.3) - restriction: || (&& (== net452) (>= netstandard1.3)) (== netstandard1.5)
      System.Collections (>= 4.3) - restriction: || (&& (== net452) (>= dnxcore50)) (&& (== net452) (>= netstandard1.3)) (== netstandard1.5)
      System.Diagnostics.Tracing (>= 4.3) - restriction: || (&& (== net452) (>= dnxcore50)) (&& (== net452) (>= netstandard1.3)) (== netstandard1.5)
      System.Globalization (>= 4.3) - restriction: || (&& (== net452) (>= dnxcore50)) (&& (== net452) (>= netstandard1.3)) (== netstandard1.5)
      System.Net.Primitives (>= 4.3) - restriction: || (&& (== net452) (>= dnxcore50)) (&& (== net452) (>= netstandard1.3)) (== netstandard1.5)
      System.Resources.ResourceManager (>= 4.3) - restriction: || (&& (== net452) (>= dnxcore50)) (&& (== net452) (>= netstandard1.3)) (== netstandard1.5)
      System.Runtime (>= 4.3) - restriction: || (&& (== net452) (>= dnxcore50)) (&& (== net452) (>= netstandard1.3)) (== netstandard1.5)
      System.Runtime.Extensions (>= 4.3) - restriction: || (&& (== net452) (>= dnxcore50)) (&& (== net452) (>= netstandard1.3)) (== netstandard1.5)
      System.Runtime.Handles (>= 4.3) - restriction: || (&& (== net452) (>= dnxcore50)) (&& (== net452) (>= netstandard1.3)) (== netstandard1.5)
      System.Runtime.InteropServices (>= 4.3) - restriction: || (&& (== net452) (>= dnxcore50)) (&& (== net452) (>= netstandard1.3)) (== netstandard1.5)
      System.Security.Principal.Windows (>= 4.3) - restriction: || (&& (== net452) (>= netstandard1.3)) (== netstandard1.5)
      System.Threading (>= 4.3) - restriction: || (&& (== net452) (>= dnxcore50)) (&& (== net452) (>= netstandard1.3)) (== netstandard1.5)
      System.Threading.Tasks (>= 4.3) - restriction: || (&& (== net452) (>= dnxcore50)) (&& (== net452) (>= netstandard1.3)) (== netstandard1.5)
    System.Net.NetworkInformation (4.3) - restriction: || (&& (== net452) (< net45) (>= netstandard1.3)) (== netstandard1.5)
      Microsoft.NETCore.Platforms (>= 1.1) - restriction: || (&& (== net452) (< net45) (>= netstandard1.3)) (&& (== net452) (>= dnxcore50)) (== netstandard1.5)
      Microsoft.Win32.Primitives (>= 4.3) - restriction: || (&& (== net452) (< net45) (>= netstandard1.3)) (&& (== net452) (>= dnxcore50)) (== netstandard1.5)
      runtime.native.System (>= 4.3) - restriction: || (&& (== net452) (< net45) (>= netstandard1.3)) (== netstandard1.5)
      System.Collections (>= 4.3) - restriction: || (&& (== net452) (< net45) (>= netstandard1.3)) (&& (== net452) (>= dnxcore50)) (== netstandard1.5)
      System.Diagnostics.Tracing (>= 4.3) - restriction: || (&& (== net452) (< net45) (>= netstandard1.3)) (&& (== net452) (>= dnxcore50)) (== netstandard1.5)
      System.Globalization (>= 4.3) - restriction: || (&& (== net452) (< net45) (>= netstandard1.3)) (&& (== net452) (>= dnxcore50)) (== netstandard1.5)
      System.IO (>= 4.3) - restriction: || (&& (== net452) (< net45) (>= netstandard1.3)) (== netstandard1.5)
      System.IO.FileSystem (>= 4.3) - restriction: || (&& (== net452) (< net45) (>= netstandard1.3)) (== netstandard1.5)
      System.IO.FileSystem.Primitives (>= 4.3) - restriction: || (&& (== net452) (< net45) (>= netstandard1.3)) (== netstandard1.5)
      System.Linq (>= 4.3) - restriction: || (&& (== net452) (< net45) (>= netstandard1.3)) (== netstandard1.5)
      System.Net.Primitives (>= 4.3) - restriction: || (&& (== net452) (< net45) (>= netstandard1.3)) (&& (== net452) (>= dnxcore50)) (== netstandard1.5)
      System.Net.Sockets (>= 4.3) - restriction: || (&& (== net452) (< net45) (>= netstandard1.3)) (== netstandard1.5)
      System.Resources.ResourceManager (>= 4.3) - restriction: || (&& (== net452) (< net45) (>= netstandard1.3)) (&& (== net452) (>= dnxcore50)) (== netstandard1.5)
      System.Runtime (>= 4.3) - restriction: || (&& (== net452) (< net45)) (&& (== net452) (>= dnxcore50)) (== netstandard1.5)
      System.Runtime.Extensions (>= 4.3) - restriction: || (&& (== net452) (< net45) (>= netstandard1.3)) (&& (== net452) (>= dnxcore50)) (== netstandard1.5)
      System.Runtime.Handles (>= 4.3) - restriction: || (&& (== net452) (< net45) (>= netstandard1.3)) (== netstandard1.5)
      System.Runtime.InteropServices (>= 4.3) - restriction: || (&& (== net452) (< net45) (>= netstandard1.3)) (&& (== net452) (>= dnxcore50)) (== netstandard1.5)
      System.Security.Principal.Windows (>= 4.3) - restriction: || (&& (== net452) (< net45) (>= netstandard1.3)) (== netstandard1.5)
      System.Threading (>= 4.3) - restriction: || (&& (== net452) (< net45) (>= netstandard1.3)) (&& (== net452) (>= dnxcore50)) (== netstandard1.5)
      System.Threading.Overlapped (>= 4.3) - restriction: || (&& (== net452) (< net45) (>= netstandard1.3)) (== netstandard1.5)
      System.Threading.Tasks (>= 4.3) - restriction: || (&& (== net452) (< net45) (>= netstandard1.3)) (&& (== net452) (>= dnxcore50)) (== netstandard1.5)
      System.Threading.Thread (>= 4.3) - restriction: || (&& (== net452) (< net45) (>= netstandard1.3)) (== netstandard1.5)
      System.Threading.ThreadPool (>= 4.3) - restriction: || (&& (== net452) (< net45) (>= netstandard1.3)) (== netstandard1.5)
    System.Net.Primitives (4.3)
      Microsoft.NETCore.Platforms (>= 1.1) - restriction: || (&& (== net452) (< net45)) (&& (== net452) (>= dnxcore50)) (&& (== net452) (< netstandard1.1)) (== netstandard1.5)
      Microsoft.NETCore.Targets (>= 1.1) - restriction: || (&& (== net452) (< net45)) (&& (== net452) (>= dnxcore50)) (&& (== net452) (< netstandard1.1)) (== netstandard1.5)
      System.Runtime (>= 4.3) - restriction: || (&& (== net452) (< net45)) (&& (== net452) (>= dnxcore50)) (&& (== net452) (< netstandard1.1)) (== netstandard1.5)
      System.Runtime.Handles (>= 4.3) - restriction: || (&& (== net452) (< net45) (>= netstandard1.3)) (&& (== net452) (>= dnxcore50)) (== netstandard1.5)
    System.Net.Security (4.3.1) - restriction: || (&& (== net452) (< net45) (>= netstandard1.3)) (== netstandard1.5)
      Microsoft.NETCore.Platforms (>= 1.1) - restriction: || (&& (== net452) (>= netstandard1.3)) (&& (== net452) (>= netstandard1.6)) (== netstandard1.5)
      Microsoft.Win32.Primitives (>= 4.3) - restriction: || (&& (== net452) (>= netstandard1.3)) (&& (== net452) (>= netstandard1.6)) (== netstandard1.5)
      System.Collections (>= 4.3) - restriction: || (&& (== net452) (>= netstandard1.3)) (&& (== net452) (>= netstandard1.6)) (== netstandard1.5)
      System.Collections.Concurrent (>= 4.3) - restriction: || (&& (== net452) (>= netstandard1.3)) (&& (== net452) (>= netstandard1.6)) (== netstandard1.5)
      System.Diagnostics.Tracing (>= 4.3) - restriction: || (&& (== net452) (>= netstandard1.3)) (&& (== net452) (>= netstandard1.6)) (== netstandard1.5)
      System.Globalization (>= 4.3) - restriction: || (&& (== net452) (>= netstandard1.3)) (&& (== net452) (>= netstandard1.6)) (== netstandard1.5)
      System.IO (>= 4.3) - restriction: || (&& (== net452) (>= netstandard1.3)) (&& (== net452) (>= netstandard1.6)) (== netstandard1.5)
      System.Net.Primitives (>= 4.3) - restriction: || (&& (== net452) (>= netstandard1.3)) (&& (== net452) (>= netstandard1.6)) (== netstandard1.5)
      System.Resources.ResourceManager (>= 4.3) - restriction: || (&& (== net452) (>= netstandard1.3)) (&& (== net452) (>= netstandard1.6)) (== netstandard1.5)
      System.Runtime (>= 4.3) - restriction: || (&& (== net452) (>= netstandard1.3)) (&& (== net452) (>= netstandard1.6)) (== netstandard1.5)
      System.Runtime.Extensions (>= 4.3) - restriction: || (&& (== net452) (>= netstandard1.3)) (&& (== net452) (>= netstandard1.6)) (== netstandard1.5)
      System.Runtime.Handles (>= 4.3) - restriction: || (&& (== net452) (>= netstandard1.3)) (&& (== net452) (>= netstandard1.6)) (== netstandard1.5)
      System.Runtime.InteropServices (>= 4.3) - restriction: || (&& (== net452) (>= netstandard1.3)) (&& (== net452) (>= netstandard1.6)) (== netstandard1.5)
      System.Security.Claims (>= 4.3) - restriction: || (&& (== net452) (>= netstandard1.3)) (&& (== net452) (>= netstandard1.6)) (== netstandard1.5)
      System.Security.Cryptography.Encoding (>= 4.3) - restriction: || (&& (== net452) (>= netstandard1.3)) (&& (== net452) (>= netstandard1.6)) (== netstandard1.5)
      System.Security.Cryptography.Primitives (>= 4.3) - restriction: || (&& (== net452) (>= netstandard1.3)) (&& (== net452) (>= netstandard1.6)) (== netstandard1.5)
      System.Security.Cryptography.X509Certificates (>= 4.3) - restriction: || (&& (== net452) (>= net46)) (&& (== net452) (>= netstandard1.3)) (&& (== net452) (>= netstandard1.6)) (== netstandard1.5)
      System.Security.Principal (>= 4.3) - restriction: || (&& (== net452) (>= netstandard1.3)) (&& (== net452) (>= netstandard1.6)) (== netstandard1.5)
      System.Security.Principal.Windows (>= 4.3) - restriction: || (&& (== net452) (>= netstandard1.3)) (== netstandard1.5)
      System.Threading (>= 4.3) - restriction: || (&& (== net452) (>= netstandard1.3)) (&& (== net452) (>= netstandard1.6)) (== netstandard1.5)
      System.Threading.Tasks (>= 4.3) - restriction: || (&& (== net452) (>= netstandard1.3)) (&& (== net452) (>= netstandard1.6)) (== netstandard1.5)
      System.Threading.ThreadPool (>= 4.3) - restriction: || (&& (== net452) (>= netstandard1.3)) (&& (== net452) (>= netstandard1.6)) (== netstandard1.5)
    System.Net.Sockets (4.3) - restriction: || (&& (== net452) (< net20) (>= netstandard1.3)) (&& (== net452) (< net45) (>= netstandard1.3)) (== netstandard1.5)
      Microsoft.NETCore.Platforms (>= 1.1) - restriction: || (&& (== net452) (>= netstandard1.3)) (== netstandard1.5)
      Microsoft.NETCore.Targets (>= 1.1) - restriction: || (&& (== net452) (>= netstandard1.3)) (== netstandard1.5)
      System.IO (>= 4.3) - restriction: || (&& (== net452) (>= netstandard1.3)) (== netstandard1.5)
      System.Net.Primitives (>= 4.3) - restriction: || (&& (== net452) (>= netstandard1.3)) (== netstandard1.5)
      System.Runtime (>= 4.3) - restriction: || (&& (== net452) (>= netstandard1.3)) (== netstandard1.5)
      System.Threading.Tasks (>= 4.3) - restriction: || (&& (== net452) (>= netstandard1.3)) (== netstandard1.5)
    System.ObjectModel (4.3)
      System.Collections (>= 4.3) - restriction: || (&& (== net452) (< net45) (>= netstandard1.3)) (&& (== net452) (>= dnxcore50)) (== netstandard1.5)
      System.Diagnostics.Debug (>= 4.3) - restriction: || (&& (== net452) (< net45) (>= netstandard1.3)) (&& (== net452) (>= dnxcore50)) (== netstandard1.5)
      System.Resources.ResourceManager (>= 4.3) - restriction: || (&& (== net452) (< net45) (>= netstandard1.3)) (&& (== net452) (>= dnxcore50)) (== netstandard1.5)
      System.Runtime (>= 4.3) - restriction: || (&& (== net452) (< net45)) (&& (== net452) (>= dnxcore50)) (== netstandard1.5)
      System.Threading (>= 4.3) - restriction: || (&& (== net452) (< net45) (>= netstandard1.3)) (&& (== net452) (>= dnxcore50)) (== netstandard1.5)
    System.Reflection (4.3)
      Microsoft.NETCore.Platforms (>= 1.1) - restriction: || (&& (== net452) (< net45)) (&& (== net452) (>= dnxcore50)) (== netstandard1.5)
      Microsoft.NETCore.Targets (>= 1.1) - restriction: || (&& (== net452) (< net45)) (&& (== net452) (>= dnxcore50)) (== netstandard1.5)
      System.IO (>= 4.3) - restriction: || (&& (== net452) (< net45)) (&& (== net452) (>= dnxcore50)) (== netstandard1.5)
      System.Reflection.Primitives (>= 4.3) - restriction: || (&& (== net452) (< net45)) (&& (== net452) (>= dnxcore50)) (== netstandard1.5)
      System.Runtime (>= 4.3) - restriction: || (&& (== net452) (< net45)) (&& (== net452) (>= dnxcore50)) (== netstandard1.5)
    System.Reflection.Emit (4.3) - restriction: || (&& (== net452) (< net45) (>= netstandard1.3)) (== netstandard1.5)
      System.IO (>= 4.3) - restriction: || (&& (== net452) (< net45)) (== netstandard1.5)
      System.Reflection (>= 4.3) - restriction: || (&& (== net452) (< net45)) (== netstandard1.5)
      System.Reflection.Emit.ILGeneration (>= 4.3) - restriction: || (&& (== net452) (< net45)) (== netstandard1.5)
      System.Reflection.Primitives (>= 4.3) - restriction: || (&& (== net452) (< net45)) (== netstandard1.5)
      System.Runtime (>= 4.3) - restriction: || (&& (== net452) (< net45)) (== netstandard1.5)
    System.Reflection.Emit.ILGeneration (4.3) - restriction: || (&& (== net452) (< net45) (>= netstandard1.3)) (== netstandard1.5)
      System.Reflection (>= 4.3) - restriction: || (&& (== net452) (< net45)) (== netstandard1.5)
      System.Reflection.Primitives (>= 4.3) - restriction: || (&& (== net452) (< net45)) (== netstandard1.5)
      System.Runtime (>= 4.3) - restriction: || (&& (== net452) (< net45)) (== netstandard1.5)
    System.Reflection.Extensions (4.3)
      Microsoft.NETCore.Platforms (>= 1.1) - restriction: || (&& (== net452) (< net45)) (&& (== net452) (>= dnxcore50)) (== netstandard1.5)
      Microsoft.NETCore.Targets (>= 1.1) - restriction: || (&& (== net452) (< net45)) (&& (== net452) (>= dnxcore50)) (== netstandard1.5)
      System.Reflection (>= 4.3) - restriction: || (&& (== net452) (< net45)) (&& (== net452) (>= dnxcore50)) (== netstandard1.5)
      System.Runtime (>= 4.3) - restriction: || (&& (== net452) (< net45)) (&& (== net452) (>= dnxcore50)) (== netstandard1.5)
    System.Reflection.Metadata (1.4.2) - restriction: || (&& (== net452) (== netstandard1.5)) (&& (== net452) (< net45) (>= netstandard1.3)) (== netstandard1.5)
      System.Collections (>= 4.3) - restriction: || (&& (== net452) (< net45)) (== netstandard1.5)
      System.Collections.Immutable (>= 1.3.1)
      System.Diagnostics.Debug (>= 4.3) - restriction: || (&& (== net452) (< net45)) (== netstandard1.5)
      System.IO (>= 4.3) - restriction: || (&& (== net452) (< net45)) (== netstandard1.5)
      System.IO.Compression (>= 4.3) - restriction: || (&& (== net452) (< net45)) (== netstandard1.5)
      System.Linq (>= 4.3) - restriction: || (&& (== net452) (< net45)) (== netstandard1.5)
      System.Reflection (>= 4.3) - restriction: || (&& (== net452) (< net45)) (== netstandard1.5)
      System.Reflection.Extensions (>= 4.3) - restriction: || (&& (== net452) (< net45)) (== netstandard1.5)
      System.Reflection.Primitives (>= 4.3) - restriction: || (&& (== net452) (< net45)) (== netstandard1.5)
      System.Resources.ResourceManager (>= 4.3) - restriction: || (&& (== net452) (< net45)) (== netstandard1.5)
      System.Runtime (>= 4.3) - restriction: || (&& (== net452) (< net45)) (== netstandard1.5)
      System.Runtime.Extensions (>= 4.3) - restriction: || (&& (== net452) (< net45)) (== netstandard1.5)
      System.Runtime.InteropServices (>= 4.3) - restriction: || (&& (== net452) (< net45)) (== netstandard1.5)
      System.Text.Encoding (>= 4.3) - restriction: || (&& (== net452) (< net45)) (== netstandard1.5)
      System.Text.Encoding.Extensions (>= 4.3) - restriction: || (&& (== net452) (< net45)) (== netstandard1.5)
      System.Threading (>= 4.3) - restriction: || (&& (== net452) (< net45)) (== netstandard1.5)
    System.Reflection.Primitives (4.3)
      Microsoft.NETCore.Platforms (>= 1.1) - restriction: || (&& (== net452) (< net45)) (&& (== net452) (>= dnxcore50)) (== netstandard1.5)
      Microsoft.NETCore.Targets (>= 1.1) - restriction: || (&& (== net452) (< net45)) (&& (== net452) (>= dnxcore50)) (== netstandard1.5)
      System.Runtime (>= 4.3) - restriction: || (&& (== net452) (< net45)) (&& (== net452) (>= dnxcore50)) (== netstandard1.5)
    System.Reflection.TypeExtensions (4.3) - restriction: || (&& (== net452) (< net20) (>= netstandard1.3)) (&& (== net452) (< net20) (>= netstandard1.5)) (&& (== net452) (< net45) (>= netstandard1.3)) (&& (== net452) (>= dnxcore50)) (== netstandard1.5)
      System.Reflection (>= 4.3) - restriction: || (&& (== net452) (>= net462)) (&& (== net452) (>= dnxcore50)) (&& (== net452) (>= netstandard1.3)) (&& (== net452) (>= netstandard1.5)) (== netstandard1.5)
      System.Runtime (>= 4.3) - restriction: || (&& (== net452) (>= dnxcore50)) (&& (== net452) (>= netstandard1.3)) (&& (== net452) (>= netstandard1.5)) (== netstandard1.5)
    System.Resources.ResourceManager (4.3)
      Microsoft.NETCore.Platforms (>= 1.1) - restriction: || (&& (== net452) (< net45)) (&& (== net452) (>= dnxcore50)) (== netstandard1.5)
      Microsoft.NETCore.Targets (>= 1.1) - restriction: || (&& (== net452) (< net45)) (&& (== net452) (>= dnxcore50)) (== netstandard1.5)
      System.Globalization (>= 4.3) - restriction: || (&& (== net452) (< net45)) (&& (== net452) (>= dnxcore50)) (== netstandard1.5)
      System.Reflection (>= 4.3) - restriction: || (&& (== net452) (< net45)) (&& (== net452) (>= dnxcore50)) (== netstandard1.5)
      System.Runtime (>= 4.3) - restriction: || (&& (== net452) (< net45)) (&& (== net452) (>= dnxcore50)) (== netstandard1.5)
    System.Runtime (4.3)
      Microsoft.NETCore.Platforms (>= 1.1) - restriction: || (&& (== net452) (< net45)) (&& (== net452) (>= dnxcore50)) (== netstandard1.5)
      Microsoft.NETCore.Targets (>= 1.1) - restriction: || (&& (== net452) (< net45)) (&& (== net452) (>= dnxcore50)) (== netstandard1.5)
    System.Runtime.Extensions (4.3)
      Microsoft.NETCore.Platforms (>= 1.1) - restriction: || (&& (== net452) (< net45)) (&& (== net452) (>= dnxcore50)) (== netstandard1.5)
      Microsoft.NETCore.Targets (>= 1.1) - restriction: || (&& (== net452) (< net45)) (&& (== net452) (>= dnxcore50)) (== netstandard1.5)
      System.Runtime (>= 4.3) - restriction: || (&& (== net452) (< net45)) (&& (== net452) (>= dnxcore50)) (== netstandard1.5)
    System.Runtime.Handles (4.3) - restriction: || (&& (== net452) (< net20) (>= netstandard1.3)) (&& (== net452) (< net40) (>= netstandard1.4)) (&& (== net452) (< net40) (>= netstandard1.5)) (&& (== net452) (< net45) (>= netstandard1.3)) (&& (== net452) (>= dnxcore50)) (&& (== net452) (>= netstandard1.6)) (&& (== net452) (>= netcore1.1)) (== netstandard1.5)
      Microsoft.NETCore.Platforms (>= 1.1) - restriction: || (&& (== net452) (>= netstandard1.3)) (== netstandard1.5)
      Microsoft.NETCore.Targets (>= 1.1) - restriction: || (&& (== net452) (>= netstandard1.3)) (== netstandard1.5)
      System.Runtime (>= 4.3) - restriction: || (&& (== net452) (>= netstandard1.3)) (== netstandard1.5)
    System.Runtime.InteropServices (4.3)
      Microsoft.NETCore.Platforms (>= 1.1) - restriction: || (&& (== net452) (< net45)) (&& (== net452) (>= dnxcore50)) (&& (== net452) (>= netcore1.1)) (== netstandard1.5)
      Microsoft.NETCore.Targets (>= 1.1) - restriction: || (&& (== net452) (< net45)) (&& (== net452) (>= dnxcore50)) (&& (== net452) (>= netcore1.1)) (== netstandard1.5)
      System.Reflection (>= 4.3) - restriction: || (&& (== net452) (< net45)) (&& (== net452) (>= dnxcore50)) (&& (== net452) (>= netcore1.1)) (== netstandard1.5)
      System.Reflection.Primitives (>= 4.3) - restriction: || (&& (== net452) (< net45)) (&& (== net452) (>= dnxcore50)) (&& (== net452) (>= netcore1.1)) (== netstandard1.5)
      System.Runtime (>= 4.3) - restriction: || (&& (== net452) (< net45)) (&& (== net452) (>= net462)) (&& (== net452) (>= dnxcore50)) (&& (== net452) (>= netcore1.1)) (== netstandard1.5)
      System.Runtime.Handles (>= 4.3) - restriction: || (&& (== net452) (< net45) (>= netstandard1.3)) (&& (== net452) (< net45) (>= netstandard1.5)) (&& (== net452) (>= dnxcore50)) (&& (== net452) (>= netcore1.1)) (== netstandard1.5)
    System.Runtime.InteropServices.RuntimeInformation (4.3)
      runtime.native.System (>= 4.3) - restriction: || (&& (== net452) (< net45)) (== netstandard1.5)
      System.Reflection (>= 4.3) - restriction: || (&& (== net452) (< net45)) (&& (== net452) (>= dnxcore50)) (== netstandard1.5)
      System.Reflection.Extensions (>= 4.3) - restriction: || (&& (== net452) (< net45)) (&& (== net452) (>= dnxcore50)) (== netstandard1.5)
      System.Resources.ResourceManager (>= 4.3) - restriction: || (&& (== net452) (< net45)) (&& (== net452) (>= dnxcore50)) (== netstandard1.5)
      System.Runtime (>= 4.3) - restriction: || (&& (== net452) (< net45)) (&& (== net452) (>= dnxcore50)) (== netstandard1.5)
      System.Runtime.InteropServices (>= 4.3) - restriction: || (&& (== net452) (< net45)) (== netstandard1.5)
      System.Threading (>= 4.3) - restriction: || (&& (== net452) (< net45)) (&& (== net452) (>= dnxcore50)) (== netstandard1.5)
    System.Runtime.Numerics (4.3)
      System.Globalization (>= 4.3) - restriction: || (&& (== net452) (< net45) (>= netstandard1.3)) (&& (== net452) (>= dnxcore50)) (== netstandard1.5)
      System.Resources.ResourceManager (>= 4.3) - restriction: || (&& (== net452) (< net45) (>= netstandard1.3)) (&& (== net452) (>= dnxcore50)) (== netstandard1.5)
      System.Runtime (>= 4.3) - restriction: || (&& (== net452) (< net45)) (&& (== net452) (>= dnxcore50)) (== netstandard1.5)
      System.Runtime.Extensions (>= 4.3) - restriction: || (&& (== net452) (< net45) (>= netstandard1.3)) (&& (== net452) (>= dnxcore50)) (== netstandard1.5)
    System.Runtime.Serialization.Formatters (4.3) - restriction: || (&& (== net452) (< net20) (>= netstandard1.3)) (== netstandard1.5)
      System.Collections (>= 4.3) - restriction: || (&& (== net452) (>= netstandard1.4)) (== netstandard1.5)
      System.Reflection (>= 4.3) - restriction: || (&& (== net452) (>= netstandard1.4)) (== netstandard1.5)
      System.Resources.ResourceManager (>= 4.3) - restriction: || (&& (== net452) (>= netstandard1.4)) (== netstandard1.5)
      System.Runtime (>= 4.3) - restriction: || (&& (== net452) (>= netstandard1.3)) (&& (== net452) (>= netstandard1.4)) (== netstandard1.5)
      System.Runtime.Serialization.Primitives (>= 4.3) - restriction: || (&& (== net452) (>= net46)) (&& (== net452) (>= netstandard1.3)) (&& (== net452) (>= netstandard1.4)) (== netstandard1.5)
    System.Runtime.Serialization.Primitives (4.3) - restriction: || (&& (== net452) (< net20)) (&& (== net452) (< net40) (>= netstandard1.4)) (== netstandard1.5)
      System.Resources.ResourceManager (>= 4.3) - restriction: || (&& (== net452) (< net45) (>= netstandard1.3)) (&& (== net452) (>= dnxcore50)) (== netstandard1.5)
      System.Runtime (>= 4.3) - restriction: || (&& (== net452) (< net45)) (&& (== net452) (>= dnxcore50)) (== netstandard1.5)
    System.Security.Claims (4.3) - restriction: || (&& (== net452) (< net45) (>= netstandard1.3)) (&& (== net452) (>= netstandard1.6)) (== netstandard1.5)
      System.Collections (>= 4.3) - restriction: || (&& (== net452) (>= netstandard1.3)) (== netstandard1.5)
      System.Globalization (>= 4.3) - restriction: || (&& (== net452) (>= netstandard1.3)) (== netstandard1.5)
      System.IO (>= 4.3) - restriction: || (&& (== net452) (>= netstandard1.3)) (== netstandard1.5)
      System.Resources.ResourceManager (>= 4.3) - restriction: || (&& (== net452) (>= netstandard1.3)) (== netstandard1.5)
      System.Runtime (>= 4.3) - restriction: || (&& (== net452) (>= netstandard1.3)) (== netstandard1.5)
      System.Runtime.Extensions (>= 4.3) - restriction: || (&& (== net452) (>= netstandard1.3)) (== netstandard1.5)
      System.Security.Principal (>= 4.3) - restriction: || (&& (== net452) (>= netstandard1.3)) (== netstandard1.5)
    System.Security.Cryptography.Algorithms (4.3) - restriction: || (&& (== net452) (< net40) (>= netstandard1.4)) (== netstandard1.5)
      System.IO (>= 4.3) - restriction: || (&& (== net452) (>= net463)) (&& (== net452) (>= dnxcore50)) (&& (== net452) (>= netstandard1.3)) (&& (== net452) (>= netstandard1.4)) (&& (== net452) (>= netstandard1.6)) (== netstandard1.5)
      System.Runtime (>= 4.3) - restriction: || (&& (== net452) (>= net463)) (&& (== net452) (>= dnxcore50)) (&& (== net452) (>= netstandard1.3)) (&& (== net452) (>= netstandard1.4)) (&& (== net452) (>= netstandard1.6)) (== netstandard1.5)
      System.Security.Cryptography.Primitives (>= 4.3) - restriction: || (&& (== net452) (>= net46)) (&& (== net452) (>= net461)) (&& (== net452) (>= dnxcore50)) (&& (== net452) (>= netstandard1.3)) (&& (== net452) (>= netstandard1.4)) (&& (== net452) (>= netstandard1.6)) (== netstandard1.5)
    System.Security.Cryptography.Cng (4.3) - restriction: || (&& (== net452) (< net40) (>= netstandard1.4)) (== netstandard1.5)
      Microsoft.NETCore.Platforms (>= 1.1) - restriction: || (&& (== net452) (>= netstandard1.4)) (&& (== net452) (>= netstandard1.6)) (== netstandard1.5)
      System.IO (>= 4.3) - restriction: || (&& (== net452) (>= netstandard1.3)) (&& (== net452) (>= netstandard1.4)) (&& (== net452) (>= netstandard1.6)) (== netstandard1.5)
      System.Resources.ResourceManager (>= 4.3) - restriction: || (&& (== net452) (>= netstandard1.4)) (&& (== net452) (>= netstandard1.6)) (== netstandard1.5)
      System.Runtime (>= 4.3) - restriction: || (&& (== net452) (>= netstandard1.3)) (&& (== net452) (>= netstandard1.4)) (&& (== net452) (>= netstandard1.6)) (== netstandard1.5)
      System.Runtime.Extensions (>= 4.3) - restriction: || (&& (== net452) (>= netstandard1.4)) (&& (== net452) (>= netstandard1.6)) (== netstandard1.5)
      System.Runtime.Handles (>= 4.3) - restriction: || (&& (== net452) (>= netstandard1.3)) (&& (== net452) (>= netstandard1.4)) (&& (== net452) (>= netstandard1.6)) (== netstandard1.5)
      System.Runtime.InteropServices (>= 4.3) - restriction: || (&& (== net452) (>= netstandard1.4)) (&& (== net452) (>= netstandard1.6)) (== netstandard1.5)
      System.Security.Cryptography.Algorithms (>= 4.3) - restriction: || (&& (== net452) (>= net46)) (&& (== net452) (>= net461)) (&& (== net452) (>= netstandard1.3)) (&& (== net452) (>= netstandard1.4)) (&& (== net452) (>= netstandard1.6)) (== netstandard1.5)
      System.Security.Cryptography.Encoding (>= 4.3) - restriction: || (&& (== net452) (>= netstandard1.4)) (&& (== net452) (>= netstandard1.6)) (== netstandard1.5)
      System.Security.Cryptography.Primitives (>= 4.3) - restriction: || (&& (== net452) (>= net46)) (&& (== net452) (>= net461)) (&& (== net452) (>= netstandard1.3)) (&& (== net452) (>= netstandard1.4)) (&& (== net452) (>= netstandard1.6)) (== netstandard1.5)
      System.Text.Encoding (>= 4.3) - restriction: || (&& (== net452) (>= netstandard1.4)) (&& (== net452) (>= netstandard1.6)) (== netstandard1.5)
    System.Security.Cryptography.Csp (4.3) - restriction: || (&& (== net452) (< net40) (>= netstandard1.4)) (== netstandard1.5)
      Microsoft.NETCore.Platforms (>= 1.1) - restriction: || (&& (== net452) (>= netstandard1.3)) (== netstandard1.5)
      System.IO (>= 4.3) - restriction: || (&& (== net452) (>= netstandard1.3)) (== netstandard1.5)
      System.Reflection (>= 4.3) - restriction: || (&& (== net452) (>= netstandard1.3)) (== netstandard1.5)
      System.Resources.ResourceManager (>= 4.3) - restriction: || (&& (== net452) (>= netstandard1.3)) (== netstandard1.5)
      System.Runtime (>= 4.3) - restriction: || (&& (== net452) (>= netstandard1.3)) (== netstandard1.5)
      System.Runtime.Extensions (>= 4.3) - restriction: || (&& (== net452) (>= netstandard1.3)) (== netstandard1.5)
      System.Runtime.Handles (>= 4.3) - restriction: || (&& (== net452) (>= netstandard1.3)) (== netstandard1.5)
      System.Runtime.InteropServices (>= 4.3) - restriction: || (&& (== net452) (>= netstandard1.3)) (== netstandard1.5)
      System.Security.Cryptography.Algorithms (>= 4.3) - restriction: || (&& (== net452) (>= net46)) (&& (== net452) (>= netstandard1.3)) (== netstandard1.5)
      System.Security.Cryptography.Encoding (>= 4.3) - restriction: || (&& (== net452) (>= netstandard1.3)) (== netstandard1.5)
      System.Security.Cryptography.Primitives (>= 4.3) - restriction: || (&& (== net452) (>= net46)) (&& (== net452) (>= netstandard1.3)) (== netstandard1.5)
      System.Text.Encoding (>= 4.3) - restriction: || (&& (== net452) (>= netstandard1.3)) (== netstandard1.5)
      System.Threading (>= 4.3) - restriction: || (&& (== net452) (>= netstandard1.3)) (== netstandard1.5)
    System.Security.Cryptography.Encoding (4.3) - restriction: || (&& (== net452) (< net20) (>= netstandard1.3)) (&& (== net452) (< net40) (>= net461)) (&& (== net452) (< net40) (>= netstandard1.4)) (&& (== net452) (< net45) (>= netstandard1.3)) (&& (== net452) (>= dnxcore50) (>= netstandard1.4)) (&& (== net452) (>= netstandard1.6)) (== netstandard1.5)
      Microsoft.NETCore.Platforms (>= 1.1) - restriction: || (&& (== net452) (>= netstandard1.3)) (== netstandard1.5)
      runtime.native.System.Security.Cryptography.OpenSsl (>= 4.3) - restriction: || (&& (== net452) (>= netstandard1.3)) (== netstandard1.5)
      System.Collections (>= 4.3) - restriction: || (&& (== net452) (>= netstandard1.3)) (== netstandard1.5)
      System.Collections.Concurrent (>= 4.3) - restriction: || (&& (== net452) (>= netstandard1.3)) (== netstandard1.5)
      System.Linq (>= 4.3) - restriction: || (&& (== net452) (>= netstandard1.3)) (== netstandard1.5)
      System.Resources.ResourceManager (>= 4.3) - restriction: || (&& (== net452) (>= netstandard1.3)) (== netstandard1.5)
      System.Runtime (>= 4.3) - restriction: || (&& (== net452) (>= netstandard1.3)) (== netstandard1.5)
      System.Runtime.Extensions (>= 4.3) - restriction: || (&& (== net452) (>= netstandard1.3)) (== netstandard1.5)
      System.Runtime.Handles (>= 4.3) - restriction: || (&& (== net452) (>= netstandard1.3)) (== netstandard1.5)
      System.Runtime.InteropServices (>= 4.3) - restriction: || (&& (== net452) (>= netstandard1.3)) (== netstandard1.5)
      System.Security.Cryptography.Primitives (>= 4.3) - restriction: || (&& (== net452) (>= netstandard1.3)) (== netstandard1.5)
      System.Text.Encoding (>= 4.3) - restriction: || (&& (== net452) (>= netstandard1.3)) (== netstandard1.5)
    System.Security.Cryptography.Primitives (4.3) - restriction: || (&& (== net452) (< net20) (>= netstandard1.3)) (&& (== net452) (< net40) (>= net461)) (&& (== net452) (< net40) (>= netstandard1.4)) (&& (== net452) (< net45) (>= netstandard1.3)) (&& (== net452) (>= dnxcore50) (>= netstandard1.4)) (&& (== net452) (>= netstandard1.6)) (== netstandard1.5)
      System.Diagnostics.Debug (>= 4.3) - restriction: || (&& (== net452) (>= netstandard1.3)) (== netstandard1.5)
      System.Globalization (>= 4.3) - restriction: || (&& (== net452) (>= netstandard1.3)) (== netstandard1.5)
      System.IO (>= 4.3) - restriction: || (&& (== net452) (>= netstandard1.3)) (== netstandard1.5)
      System.Resources.ResourceManager (>= 4.3) - restriction: || (&& (== net452) (>= netstandard1.3)) (== netstandard1.5)
      System.Runtime (>= 4.3) - restriction: || (&& (== net452) (>= netstandard1.3)) (== netstandard1.5)
      System.Threading (>= 4.3) - restriction: || (&& (== net452) (>= netstandard1.3)) (== netstandard1.5)
      System.Threading.Tasks (>= 4.3) - restriction: || (&& (== net452) (>= netstandard1.3)) (== netstandard1.5)
    System.Security.Cryptography.X509Certificates (4.3) - restriction: || (&& (== net452) (< net40) (>= netstandard1.4)) (== netstandard1.5)
      System.Runtime (>= 4.3) - restriction: || (&& (== net452) (>= dnxcore50)) (&& (== net452) (>= netstandard1.3)) (&& (== net452) (>= netstandard1.4)) (&& (== net452) (>= netstandard1.6)) (== netstandard1.5)
      System.Runtime.Handles (>= 4.3) - restriction: || (&& (== net452) (>= dnxcore50)) (&& (== net452) (>= netstandard1.3)) (&& (== net452) (>= netstandard1.4)) (&& (== net452) (>= netstandard1.6)) (== netstandard1.5)
      System.Security.Cryptography.Algorithms (>= 4.3) - restriction: || (&& (== net452) (>= net46)) (&& (== net452) (>= net461)) (&& (== net452) (>= dnxcore50)) (&& (== net452) (>= netstandard1.3)) (&& (== net452) (>= netstandard1.4)) (&& (== net452) (>= netstandard1.6)) (== netstandard1.5)
      System.Security.Cryptography.Encoding (>= 4.3) - restriction: || (&& (== net452) (>= net46)) (&& (== net452) (>= net461)) (&& (== net452) (>= dnxcore50)) (&& (== net452) (>= netstandard1.3)) (&& (== net452) (>= netstandard1.4)) (&& (== net452) (>= netstandard1.6)) (== netstandard1.5)
    System.Security.Principal (4.3) - restriction: || (&& (== net452) (< net45) (>= netstandard1.3)) (&& (== net452) (>= netstandard1.6)) (== netstandard1.5)
      System.Runtime (>= 4.3) - restriction: || (&& (== net452) (< net45)) (&& (== net452) (>= dnxcore50)) (== netstandard1.5)
    System.Security.Principal.Windows (4.3) - restriction: || (&& (== net452) (< net45) (>= netstandard1.3)) (== netstandard1.5)
      Microsoft.NETCore.Platforms (>= 1.1) - restriction: || (&& (== net452) (>= netstandard1.3)) (== netstandard1.5)
      Microsoft.Win32.Primitives (>= 4.3) - restriction: || (&& (== net452) (>= netstandard1.3)) (== netstandard1.5)
      System.Collections (>= 4.3) - restriction: || (&& (== net452) (>= netstandard1.3)) (== netstandard1.5)
      System.Diagnostics.Debug (>= 4.3) - restriction: || (&& (== net452) (>= netstandard1.3)) (== netstandard1.5)
      System.Reflection (>= 4.3) - restriction: || (&& (== net452) (>= netstandard1.3)) (== netstandard1.5)
      System.Resources.ResourceManager (>= 4.3) - restriction: || (&& (== net452) (>= netstandard1.3)) (== netstandard1.5)
      System.Runtime (>= 4.3) - restriction: || (&& (== net452) (>= netstandard1.3)) (== netstandard1.5)
      System.Runtime.Extensions (>= 4.3) - restriction: || (&& (== net452) (>= netstandard1.3)) (== netstandard1.5)
      System.Runtime.Handles (>= 4.3) - restriction: || (&& (== net452) (>= netstandard1.3)) (== netstandard1.5)
      System.Runtime.InteropServices (>= 4.3) - restriction: || (&& (== net452) (>= netstandard1.3)) (== netstandard1.5)
      System.Security.Claims (>= 4.3) - restriction: || (&& (== net452) (>= netstandard1.3)) (== netstandard1.5)
      System.Security.Principal (>= 4.3) - restriction: || (&& (== net452) (>= netstandard1.3)) (== netstandard1.5)
      System.Text.Encoding (>= 4.3) - restriction: || (&& (== net452) (>= netstandard1.3)) (== netstandard1.5)
      System.Threading (>= 4.3) - restriction: || (&& (== net452) (>= netstandard1.3)) (== netstandard1.5)
    System.Text.Encoding (4.3)
      Microsoft.NETCore.Platforms (>= 1.1) - restriction: || (&& (== net452) (< net45)) (&& (== net452) (>= dnxcore50)) (== netstandard1.5)
      Microsoft.NETCore.Targets (>= 1.1) - restriction: || (&& (== net452) (< net45)) (&& (== net452) (>= dnxcore50)) (== netstandard1.5)
      System.Runtime (>= 4.3) - restriction: || (&& (== net452) (< net45)) (&& (== net452) (>= dnxcore50)) (== netstandard1.5)
    System.Text.Encoding.Extensions (4.3)
      Microsoft.NETCore.Platforms (>= 1.1) - restriction: || (&& (== net452) (< net45)) (&& (== net452) (>= dnxcore50)) (== netstandard1.5)
      Microsoft.NETCore.Targets (>= 1.1) - restriction: || (&& (== net452) (< net45)) (&& (== net452) (>= dnxcore50)) (== netstandard1.5)
      System.Runtime (>= 4.3) - restriction: || (&& (== net452) (< net45)) (&& (== net452) (>= dnxcore50)) (== netstandard1.5)
      System.Text.Encoding (>= 4.3) - restriction: || (&& (== net452) (< net45)) (&& (== net452) (>= dnxcore50)) (== netstandard1.5)
    System.Text.RegularExpressions (4.3)
      System.Runtime (>= 4.3) - restriction: || (&& (== net452) (< net45)) (&& (== net452) (>= dnxcore50)) (&& (== net452) (>= netstandard1.6)) (&& (== net452) (>= netcore1.1)) (== netstandard1.5)
    System.Threading (4.3)
      System.Runtime (>= 4.3) - restriction: || (&& (== net452) (< net45)) (&& (== net452) (>= dnxcore50)) (== netstandard1.5)
      System.Threading.Tasks (>= 4.3) - restriction: || (&& (== net452) (< net45)) (&& (== net452) (>= dnxcore50)) (== netstandard1.5)
    System.Threading.Overlapped (4.3) - restriction: || (&& (== net452) (== netstandard1.5)) (&& (== net452) (< net45) (>= netstandard1.3)) (== netstandard1.5)
      Microsoft.NETCore.Platforms (>= 1.1) - restriction: || (&& (== net452) (>= dnxcore50)) (&& (== net452) (>= netstandard1.3)) (== netstandard1.5)
      System.Resources.ResourceManager (>= 4.3) - restriction: || (&& (== net452) (>= dnxcore50)) (&& (== net452) (>= netstandard1.3)) (== netstandard1.5)
      System.Runtime (>= 4.3) - restriction: || (&& (== net452) (>= dnxcore50)) (&& (== net452) (>= netstandard1.3)) (== netstandard1.5)
      System.Runtime.Handles (>= 4.3) - restriction: || (&& (== net452) (>= dnxcore50)) (&& (== net452) (>= netstandard1.3)) (== netstandard1.5)
    System.Threading.Tasks (4.3)
      Microsoft.NETCore.Platforms (>= 1.1) - restriction: || (&& (== net452) (< net45)) (&& (== net452) (>= dnxcore50)) (== netstandard1.5)
      Microsoft.NETCore.Targets (>= 1.1) - restriction: || (&& (== net452) (< net45)) (&& (== net452) (>= dnxcore50)) (== netstandard1.5)
      System.Runtime (>= 4.3) - restriction: || (&& (== net452) (< net45)) (&& (== net452) (>= dnxcore50)) (== netstandard1.5)
    System.Threading.Tasks.Extensions (4.3) - restriction: || (&& (== net452) (== netstandard1.5)) (&& (== net452) (< net20) (>= netstandard1.3)) (&& (== net452) (>= dnxcore50)) (== netstandard1.5)
      System.Collections (>= 4.3) - restriction: || (&& (== net452) (< net45)) (== netstandard1.5)
      System.Runtime (>= 4.3) - restriction: || (&& (== net452) (< net45)) (== netstandard1.5)
      System.Threading.Tasks (>= 4.3) - restriction: || (&& (== net452) (< net45)) (== netstandard1.5)
    System.Threading.Thread (4.3) - restriction: || (&& (== net452) (== netstandard1.5)) (&& (== net452) (< net45) (>= netstandard1.3)) (== netstandard1.5)
      System.Runtime (>= 4.3) - restriction: || (&& (== net452) (>= netstandard1.3)) (== netstandard1.5)
    System.Threading.ThreadPool (4.3) - restriction: || (&& (== net452) (< net45) (>= netstandard1.3)) (&& (== net452) (>= netstandard1.6)) (== netstandard1.5)
      System.Runtime (>= 4.3) - restriction: || (&& (== net452) (>= netstandard1.3)) (== netstandard1.5)
      System.Runtime.Handles (>= 4.3) - restriction: || (&& (== net452) (>= netstandard1.3)) (== netstandard1.5)
    System.Threading.Timer (4.3)
      Microsoft.NETCore.Platforms (>= 1.1) - restriction: || (&& (== net452) (< net451)) (&& (== net452) (>= dnxcore50)) (== netstandard1.5)
      Microsoft.NETCore.Targets (>= 1.1) - restriction: || (&& (== net452) (< net451)) (&& (== net452) (>= dnxcore50)) (== netstandard1.5)
      System.Runtime (>= 4.3) - restriction: || (&& (== net452) (< net451)) (&& (== net452) (>= dnxcore50)) (== netstandard1.5)
    System.Xml.ReaderWriter (4.3)
      System.Collections (>= 4.3) - restriction: || (&& (== net452) (< net45) (>= netstandard1.3)) (&& (== net452) (>= dnxcore50)) (== netstandard1.5)
      System.Diagnostics.Debug (>= 4.3) - restriction: || (&& (== net452) (< net45) (>= netstandard1.3)) (&& (== net452) (>= dnxcore50)) (== netstandard1.5)
      System.Globalization (>= 4.3) - restriction: || (&& (== net452) (< net45) (>= netstandard1.3)) (&& (== net452) (>= dnxcore50)) (== netstandard1.5)
      System.IO (>= 4.3) - restriction: || (&& (== net452) (< net45)) (&& (== net452) (>= dnxcore50)) (== netstandard1.5)
      System.IO.FileSystem (>= 4.3) - restriction: || (&& (== net452) (< net45) (>= netstandard1.3)) (&& (== net452) (>= dnxcore50)) (== netstandard1.5)
      System.IO.FileSystem.Primitives (>= 4.3) - restriction: || (&& (== net452) (< net45) (>= netstandard1.3)) (&& (== net452) (>= dnxcore50)) (== netstandard1.5)
      System.Resources.ResourceManager (>= 4.3) - restriction: || (&& (== net452) (< net45) (>= netstandard1.3)) (&& (== net452) (>= dnxcore50)) (== netstandard1.5)
      System.Runtime (>= 4.3) - restriction: || (&& (== net452) (< net45)) (&& (== net452) (>= dnxcore50)) (== netstandard1.5)
      System.Runtime.Extensions (>= 4.3) - restriction: || (&& (== net452) (< net45) (>= netstandard1.3)) (&& (== net452) (>= dnxcore50)) (== netstandard1.5)
      System.Runtime.InteropServices (>= 4.3) - restriction: || (&& (== net452) (< net45) (>= netstandard1.3)) (&& (== net452) (>= dnxcore50)) (== netstandard1.5)
      System.Text.Encoding (>= 4.3) - restriction: || (&& (== net452) (< net45)) (&& (== net452) (>= dnxcore50)) (== netstandard1.5)
      System.Text.Encoding.Extensions (>= 4.3) - restriction: || (&& (== net452) (< net45) (>= netstandard1.3)) (&& (== net452) (>= dnxcore50)) (== netstandard1.5)
      System.Text.RegularExpressions (>= 4.3) - restriction: || (&& (== net452) (< net45) (>= netstandard1.3)) (&& (== net452) (>= dnxcore50)) (== netstandard1.5)
      System.Threading.Tasks (>= 4.3) - restriction: || (&& (== net452) (< net45)) (&& (== net452) (>= dnxcore50)) (== netstandard1.5)
      System.Threading.Tasks.Extensions (>= 4.3) - restriction: || (&& (== net452) (< net45) (>= netstandard1.3)) (&& (== net452) (>= dnxcore50)) (== netstandard1.5)
    System.Xml.XDocument (4.3)
      System.Collections (>= 4.3) - restriction: || (&& (== net452) (< net45) (>= netstandard1.3)) (&& (== net452) (>= dnxcore50)) (== netstandard1.5)
      System.Diagnostics.Debug (>= 4.3) - restriction: || (&& (== net452) (< net45) (>= netstandard1.3)) (&& (== net452) (>= dnxcore50)) (== netstandard1.5)
      System.Diagnostics.Tools (>= 4.3) - restriction: || (&& (== net452) (< net45) (>= netstandard1.3)) (&& (== net452) (>= dnxcore50)) (== netstandard1.5)
      System.Globalization (>= 4.3) - restriction: || (&& (== net452) (< net45) (>= netstandard1.3)) (&& (== net452) (>= dnxcore50)) (== netstandard1.5)
      System.IO (>= 4.3) - restriction: || (&& (== net452) (< net45)) (&& (== net452) (>= dnxcore50)) (== netstandard1.5)
      System.Reflection (>= 4.3) - restriction: || (&& (== net452) (< net45) (>= netstandard1.3)) (&& (== net452) (>= dnxcore50)) (== netstandard1.5)
      System.Resources.ResourceManager (>= 4.3) - restriction: || (&& (== net452) (< net45) (>= netstandard1.3)) (&& (== net452) (>= dnxcore50)) (== netstandard1.5)
      System.Runtime (>= 4.3) - restriction: || (&& (== net452) (< net45)) (&& (== net452) (>= dnxcore50)) (== netstandard1.5)
      System.Runtime.Extensions (>= 4.3) - restriction: || (&& (== net452) (< net45) (>= netstandard1.3)) (&& (== net452) (>= dnxcore50)) (== netstandard1.5)
      System.Text.Encoding (>= 4.3) - restriction: || (&& (== net452) (< net45) (>= netstandard1.3)) (&& (== net452) (>= dnxcore50)) (== netstandard1.5)
      System.Threading (>= 4.3) - restriction: || (&& (== net452) (< net45) (>= netstandard1.3)) (&& (== net452) (>= dnxcore50)) (== netstandard1.5)
      System.Xml.ReaderWriter (>= 4.3) - restriction: || (&& (== net452) (< net45)) (&& (== net452) (>= dnxcore50)) (== netstandard1.5)
    System.Xml.XmlDocument (4.3) - restriction: || (&& (== net452) (< net20) (>= netstandard1.3)) (== netstandard1.5)
      System.Collections (>= 4.3) - restriction: || (&& (== net452) (>= netstandard1.3)) (== netstandard1.5)
      System.Diagnostics.Debug (>= 4.3) - restriction: || (&& (== net452) (>= netstandard1.3)) (== netstandard1.5)
      System.Globalization (>= 4.3) - restriction: || (&& (== net452) (>= netstandard1.3)) (== netstandard1.5)
      System.IO (>= 4.3) - restriction: || (&& (== net452) (>= netstandard1.3)) (== netstandard1.5)
      System.Resources.ResourceManager (>= 4.3) - restriction: || (&& (== net452) (>= netstandard1.3)) (== netstandard1.5)
      System.Runtime (>= 4.3) - restriction: || (&& (== net452) (>= netstandard1.3)) (== netstandard1.5)
      System.Runtime.Extensions (>= 4.3) - restriction: || (&& (== net452) (>= netstandard1.3)) (== netstandard1.5)
      System.Text.Encoding (>= 4.3) - restriction: || (&& (== net452) (>= netstandard1.3)) (== netstandard1.5)
      System.Threading (>= 4.3) - restriction: || (&& (== net452) (>= netstandard1.3)) (== netstandard1.5)
      System.Xml.ReaderWriter (>= 4.3) - restriction: || (&& (== net452) (>= netstandard1.3)) (== netstandard1.5)
    xunit (2.0)
      xunit.assert (2.0)
      xunit.core (2.0)
    xunit.abstractions (2.0)
    xunit.assert (2.0)
    xunit.core (2.0)
      xunit.extensibility.core (2.0)
    xunit.extensibility.core (2.0)
      xunit.abstractions (2.0)
    xunit.runner.console (2.2)
    xunit.runner.visualstudio (2.2)
GITHUB
  remote: fsharp/FAKE
    modules/Octokit/Octokit.fsx (291f58cc70aba6dd871cf18e66d2d88357e4f208)
      Octokit (>= 0.20)