RESTRICTION: >= net461
NUGET
  remote: https://www.myget.org/F/akkadotnet/api/v3/index.json
    Akka (1.3.3-beta470)
      Newtonsoft.Json (>= 9.0.1)
      System.Collections.Immutable (>= 1.3.1)
    Akka.Cluster (1.3.3-beta470)
      Akka.Remote (>= 1.3.3-beta470)
    Akka.Cluster.Sharding (1.3.3-beta470)
      Akka.Cluster.Tools (>= 1.3.3-beta470)
      Akka.DistributedData (>= 1.3.3-beta470)
      Akka.Persistence (>= 1.3.3-beta470)
    Akka.Cluster.Tools (1.3.3-beta470)
      Akka.Cluster (>= 1.3.3-beta470)
    Akka.DistributedData (1.3.3-beta470)
      Akka.Cluster (>= 1.3.3-beta470)
      Hyperion (>= 0.9.6)
    Akka.DistributedData.LightningDB (1.3.3-beta470)
      Akka.DistributedData (>= 1.3.3-beta470)
      LightningDB (>= 0.9.8)
    Akka.Persistence (1.3.3-beta470)
      Akka (>= 1.3.3-beta470)
      Google.Protobuf (>= 3.3)
    Akka.Persistence.Query (1.3.3-beta470)
      Akka.Persistence (>= 1.3.3-beta470)
      Akka.Streams (>= 1.3.3-beta470)
    Akka.Persistence.Query.Sql (1.3.3-beta470)
      Akka.Persistence (>= 1.3.3-beta470)
      Akka.Persistence.Query (>= 1.3.3-beta470)
      Akka.Persistence.Sql.Common (>= 1.3.3-beta470)
    Akka.Persistence.Sql.Common (1.3.3-beta470)
      Akka.Persistence (>= 1.3.3-beta470)
    Akka.Persistence.Sqlite (1.3.3-beta470)
      Akka.Persistence (>= 1.3.3-beta470)
      Akka.Persistence.Sql.Common (>= 1.3.3-beta470)
      Microsoft.Data.SQLite (>= 1.1.1)
    Akka.Remote (1.3.3-beta470)
      Akka (>= 1.3.3-beta470)
      DotNetty.Handlers (>= 0.4.6)
      Google.Protobuf (>= 3.3)
    Akka.Streams (1.3.3-beta470)
      Akka (>= 1.3.3-beta470)
      Reactive.Streams (>= 1.0.2)
    Akka.TestKit (1.3.3-beta470)
      Akka (>= 1.3.3-beta470)
    Akka.TestKit.Xunit2 (1.3.3-beta470)
      Akka.TestKit (>= 1.3.3-beta470)
      xunit (>= 2.3)
  remote: https://www.nuget.org/api/v2
    Akka.Serialization.Hyperion (1.3.2-beta54)
      Akka (>= 1.3.2-beta54)
      Hyperion (>= 0.9.6)
    Akka.Streams.Csv (0.1)
      Akka.Streams (>= 1.3.1)
    Akka.Streams.SignalR (0.1)
      Akka.Streams (>= 1.3.1)
      Microsoft.AspNet.SignalR.Core (>= 2.2.2)
    Akka.Streams.Xml (0.1)
      Akka.Streams (>= 1.3.1)
    Akkling (0.8)
      Akka (>= 1.3.1)
      Akka.Serialization.Hyperion (>= 1.3.1-beta52)
      FSharp.Core
      FsPickler (>= 3.2)
      FSPowerPack.Linq.Community (>= 3.0)
    Akkling.Cluster.Sharding (0.8)
      Akka (>= 1.3.1)
      Akka.Cluster (>= 1.3.1)
      Akka.Cluster.Sharding (>= 1.3.1-prerelease)
      Akka.Cluster.Tools (>= 1.3.1)
      Akka.Persistence (>= 1.3.1-prerelease)
      Akkling (>= 0.8)
      Akkling.Persistence (>= 0.8)
      FSharp.Core
    Akkling.DistributedData (0.8)
      Akka (>= 1.3.1)
      Akka.Cluster (>= 1.3.1)
      Akka.DistributedData (>= 1.3.1-prerelease)
      Akkling (>= 0.8)
      FSharp.Core
    Akkling.Persistence (0.8)
      Akka (>= 1.3.1)
      Akka.Persistence (>= 1.3.1-prerelease)
      Akkling (>= 0.8)
      FSharp.Core
      FSPowerPack.Linq.Community (>= 3.0)
    Akkling.Streams (0.8)
      Akka (>= 1.3.1)
      Akka.Streams (>= 1.3.1)
      Akkling (>= 0.8)
      FSharp.Core
      Reactive.Streams (>= 1.0.2)
    Akkling.TestKit (0.8)
      Akka (>= 1.3.1)
      Akka.TestKit.Xunit2 (>= 1.3.1)
      Akkling (>= 0.8)
      FsCheck.Xunit
      FSharp.Core
      xunit.abstractions (>= 2.0.0-prerelease)
    Argu (4.0)
      FSharp.Core (>= 3.1) - restriction: && (>= net461) (< netstandard2.0)
      FSharp.Core (>= 4.2.1) - restriction: && (>= net461) (>= netstandard2.0)
    BouncyCastle (1.8.1)
    deniszykov.WebSocketListener (4.1.3)
    dlech.Chaos.NaCl (0.1)
    DotNetty.Buffers (0.4.6)
      DotNetty.Common (>= 0.4.6)
    DotNetty.Codecs (0.4.6)
      DotNetty.Buffers (>= 0.4.6)
      DotNetty.Common (>= 0.4.6)
      DotNetty.Transport (>= 0.4.6)
    DotNetty.Common (0.4.6)
      Microsoft.Extensions.Logging (>= 1.1.1)
    DotNetty.Handlers (0.4.6)
      DotNetty.Buffers (>= 0.4.6)
      DotNetty.Codecs (>= 0.4.6)
      DotNetty.Common (>= 0.4.6)
      DotNetty.Transport (>= 0.4.6)
    DotNetty.Transport (0.4.6)
      DotNetty.Buffers (>= 0.4.6)
      DotNetty.Common (>= 0.4.6)
    Dynamitey (1.0.2)
    FAKE (4.63.2)
    FsCheck (2.10.4)
      FSharp.Core (>= 4.1)
    FsCheck.Xunit (2.10.4)
      FsCheck (>= 2.10.4) - restriction: && (>= net461) (>= netstandard1.6)
      FsCheck (2.10.4) - restriction: && (>= net461) (< netstandard1.6)
      FSharp.Core (>= 4.1.18) - restriction: && (>= net461) (>= netstandard1.6)
      NETStandard.Library (>= 1.6.1) - restriction: && (>= net461) (>= netstandard1.6)
      xunit.abstractions (>= 2.0.1) - restriction: && (>= net461) (>= netstandard1.6)
      xunit.core (>= 2.2) - restriction: && (>= net461) (>= netstandard1.6)
      xunit.extensibility.execution (>= 2.2 < 3.0) - restriction: && (>= net461) (< netstandard1.6)
    FSharp.Configuration (1.3.1)
      FSharp.Core (>= 4.0.0.1)
    FSharp.Core (4.2.3)
    FSharp.Data (2.4.3)
    FSharp.Interop.Dynamic (3.0)
      Dynamitey (>= 1.0.2)
      FSharp.Core (>= 3.1.2.1)
    FsPickler (3.3)
    FsPickler.CSharp (3.3)
      FSharp.Core (>= 3.1.2.5)
      FsPickler (3.3)
      FsPickler.Json (3.3)
    FsPickler.Json (3.3)
      FsPickler (3.3)
      Newtonsoft.Json (>= 6.0.5)
    FSPowerPack.Core.Community (3.0)
    FSPowerPack.Linq.Community (3.0)
      FSPowerPack.Core.Community
    Google.Protobuf (3.5)
    Hyperion (0.9.6)
    Inferno (1.4)
    Jint (2.11.58)
    jose-jwt (2.4)
    LightningDB (0.10)
    MathNet.Numerics.Signed (3.20)
    Microsoft.AspNet.SignalR.Core (2.2.2)
      Microsoft.Owin (>= 2.1)
      Microsoft.Owin.Security (>= 2.1)
      Newtonsoft.Json (>= 6.0.4)
      Owin (>= 1.0)
    Microsoft.Data.SQLite (2.0)
      Microsoft.Data.Sqlite.Core (>= 2.0) - restriction: && (>= net461) (>= netstandard2.0)
      SQLitePCLRaw.bundle_green (>= 1.1.7) - restriction: && (>= net461) (>= netstandard2.0)
    Microsoft.Data.Sqlite.Core (2.0) - restriction: && (>= net461) (>= netstandard2.0)
      SQLitePCLRaw.core (>= 1.1.7) - restriction: && (>= net461) (>= netstandard2.0)
    Microsoft.Extensions.DependencyInjection.Abstractions (2.0) - restriction: && (>= net461) (>= netstandard2.0)
    Microsoft.Extensions.Logging (2.0)
      Microsoft.Extensions.DependencyInjection.Abstractions (>= 2.0) - restriction: && (>= net461) (>= netstandard2.0)
      Microsoft.Extensions.Logging.Abstractions (>= 2.0) - restriction: && (>= net461) (>= netstandard2.0)
      Microsoft.Extensions.Options (>= 2.0) - restriction: && (>= net461) (>= netstandard2.0)
    Microsoft.Extensions.Logging.Abstractions (2.0)
    Microsoft.Extensions.Options (2.0) - restriction: && (>= net461) (>= netstandard2.0)
      Microsoft.Extensions.DependencyInjection.Abstractions (>= 2.0) - restriction: && (>= net461) (>= netstandard2.0)
      Microsoft.Extensions.Primitives (>= 2.0) - restriction: && (>= net461) (>= netstandard2.0)
    Microsoft.Extensions.Primitives (2.0) - restriction: && (>= net461) (>= netstandard2.0)
      System.Runtime.CompilerServices.Unsafe (>= 4.4) - restriction: && (>= net461) (>= netstandard2.0)
    Microsoft.FSharpLu (0.10.3)
      FSharp.Core (>= 4.2.3)
      System.Configuration (>= 2.0.5)
      System.Configuration.ConfigurationManager (>= 4.4)
      System.ValueTuple (>= 4.4)
    Microsoft.FSharpLu.Json (0.10.3)
      FSharp.Core (>= 4.2.3)
      Newtonsoft.Json (>= 10.0.3)
      System.ValueTuple (>= 4.4)
    Microsoft.NETCore.Platforms (2.0.1)
    Microsoft.Owin (3.1)
      Owin (>= 1.0)
    Microsoft.Owin.Security (3.1)
      Microsoft.Owin (>= 3.1)
      Owin (>= 1.0)
    NETStandard.Library (2.0.1)
      Microsoft.NETCore.Platforms (>= 1.1)
    Newtonsoft.Json (10.0.3)
    NodaTime (2.2.3)
    Owin (1.0)
    Reactive.Streams (1.0.2)
    Spreads (1.0.0-alpha1)
      MathNet.Numerics.Signed (>= 3.17)
      NodaTime (>= 2.0.2)
      Spreads.Collections (>= 0.8.0-build1707110413)
    Spreads.Collections (1.0.0-alpha1)
      FSharp.Core (>= 4.2.1)
      Spreads.Core (>= 0.8.0-build1707131908)
    Spreads.Core (1.0.0-alpha2)
      Newtonsoft.Json (>= 10.0.3)
      Spreads.Unsafe (>= 1.0)
      Spreads.Utils (>= 0.9)
      System.Buffers (>= 4.4)
      System.Memory (>= 4.4.0-preview2-25405-01)
      System.Numerics.Vectors (>= 4.4)
      System.Threading.Tasks.Extensions (>= 4.4)
      System.ValueTuple (>= 4.4)
    Spreads.Unsafe (1.0)
    Spreads.Utils (0.9)
    SQLitePCLRaw.bundle_green (1.1.9) - restriction: && (>= net461) (>= netstandard2.0)
      SQLitePCLRaw.core (>= 1.1.9)
      SQLitePCLRaw.lib.e_sqlite3.linux (>= 1.1.9)
      SQLitePCLRaw.lib.e_sqlite3.osx (>= 1.1.9)
      SQLitePCLRaw.lib.e_sqlite3.v110_xp (>= 1.1.9)
      SQLitePCLRaw.provider.e_sqlite3.net45 (>= 1.1.9)
    SQLitePCLRaw.core (1.1.9) - restriction: && (>= net461) (>= netstandard2.0)
    SQLitePCLRaw.lib.e_sqlite3.linux (1.1.9) - restriction: && (>= net461) (>= netstandard2.0)
    SQLitePCLRaw.lib.e_sqlite3.osx (1.1.9) - restriction: && (>= net461) (>= netstandard2.0)
    SQLitePCLRaw.lib.e_sqlite3.v110_xp (1.1.9) - restriction: && (>= net461) (>= netstandard2.0)
    SQLitePCLRaw.provider.e_sqlite3.net45 (1.1.9) - restriction: && (>= net461) (>= netstandard2.0)
      SQLitePCLRaw.core (>= 1.1.9)
    Suave (2.2.1)
      FSharp.Core (>= 4.0.0.1) - restriction: && (>= net461) (< netstandard1.6)
      FSharp.Core (>= 4.1.17) - restriction: && (>= net461) (>= netstandard1.6)
      NETStandard.Library (>= 1.6.1) - restriction: && (>= net461) (>= netstandard1.6)
      System.Data.Common (>= 4.1) - restriction: && (>= net461) (>= netstandard1.6)
      System.Diagnostics.Process (>= 4.1) - restriction: && (>= net461) (>= netstandard1.6)
      System.Globalization.Extensions (>= 4.3) - restriction: && (>= net461) (>= netstandard1.6)
      System.Net.Security (>= 4.0) - restriction: && (>= net461) (>= netstandard1.6)
      System.Runtime.Serialization.Json (>= 4.0.2) - restriction: && (>= net461) (>= netstandard1.6)
      System.Security.Claims (>= 4.0.1) - restriction: && (>= net461) (>= netstandard1.6)
      System.Security.Cryptography.Primitives (>= 4.3) - restriction: && (>= net461) (>= netstandard1.6)
    Suave.Swagger (2.3)
      FSharp.Core (>= 4.0.0.1)
      Newtonsoft.Json (>= 9.0.1)
      Suave (>= 2.0.2)
    System.Buffers (4.4)
      System.Diagnostics.Debug (>= 4.3) - restriction: && (>= net461) (< netstandard2.0)
      System.Diagnostics.Tracing (>= 4.3) - restriction: && (>= net461) (< netstandard2.0)
      System.Resources.ResourceManager (>= 4.3) - restriction: && (>= net461) (< netstandard2.0)
      System.Runtime (>= 4.3) - restriction: && (>= net461) (< netstandard2.0)
      System.Threading (>= 4.3) - restriction: && (>= net461) (< netstandard2.0)
    System.Collections (4.3) - restriction: && (>= net461) (< netstandard2.0)
    System.Collections.Immutable (1.4)
      NETStandard.Library (>= 1.6.1) - restriction: && (>= net461) (< netstandard2.0)
    System.Configuration (2.0.5)
    System.Configuration.ConfigurationManager (4.4)
    System.Data.Common (4.3) - restriction: && (>= net461) (>= netstandard1.6)
    System.Diagnostics.Debug (4.3) - restriction: && (>= net461) (< netstandard2.0)
    System.Diagnostics.Process (4.3) - restriction: && (>= net461) (>= netstandard1.6)
    System.Diagnostics.Tracing (4.3) - restriction: && (>= net461) (< netstandard2.0)
    System.Globalization.Extensions (4.3) - restriction: && (>= net461) (>= netstandard1.6)
    System.IO (4.3) - restriction: || (&& (< net46) (>= net461) (>= netstandard1.6)) (&& (>= net461) (< netstandard1.3) (>= netstandard1.6)) (&& (>= net463) (>= netstandard1.6))
    System.Memory (4.4.0-preview2-25405-01)
      NETStandard.Library (>= 1.6.1) - restriction: && (>= net461) (< netstandard2.0)
      System.Numerics.Vectors (>= 4.4.0-preview2-25405-01) - restriction: && (>= net461) (>= netstandard2.0)
      System.Runtime.CompilerServices.Unsafe (>= 4.4.0-preview2-25405-01)
    System.Net.Security (4.3.2) - restriction: && (>= net461) (>= netstandard1.6)
      System.Security.Cryptography.X509Certificates (>= 4.3)
    System.Numerics.Vectors (4.4)
    System.Resources.ResourceManager (4.3) - restriction: && (>= net461) (< netstandard2.0)
    System.Runtime (4.3)
    System.Runtime.CompilerServices.Unsafe (4.4)
    System.Runtime.Serialization.Json (4.3) - restriction: && (>= net461) (>= netstandard1.6)
    System.Security.Claims (4.3) - restriction: && (>= net461) (>= netstandard1.6)
    System.Security.Cryptography.Algorithms (4.3.1) - restriction: && (>= net461) (>= netstandard1.6)
      System.IO (>= 4.3) - restriction: || (&& (< net46) (>= net461) (< netstandard1.4)) (&& (< net46) (>= net461) (>= netstandard1.6)) (&& (< net46) (>= net461) (< netstandard1.6)) (&& (>= net461) (< netstandard1.3)) (>= net463)
      System.Runtime (>= 4.3) - restriction: || (&& (< net46) (>= net461) (< netstandard1.4)) (&& (< net46) (>= net461) (>= netstandard1.6)) (&& (< net46) (>= net461) (< netstandard1.6)) (&& (>= net461) (< netstandard1.3)) (>= net463)
      System.Security.Cryptography.Encoding (>= 4.3) - restriction: || (&& (< net46) (>= net461) (>= netstandard1.6)) (&& (>= net461) (< netstandard1.3)) (>= net463)
      System.Security.Cryptography.Primitives (>= 4.3)
    System.Security.Cryptography.Encoding (4.3) - restriction: || (&& (>= net461) (>= netstandard1.6)) (&& (>= net463) (>= netstandard1.6))
    System.Security.Cryptography.Primitives (4.3) - restriction: && (>= net461) (>= netstandard1.6)
    System.Security.Cryptography.X509Certificates (4.3.2) - restriction: && (>= net461) (>= netstandard1.6)
      System.Security.Cryptography.Algorithms (>= 4.3)
      System.Security.Cryptography.Encoding (>= 4.3)
    System.Threading (4.3) - restriction: && (>= net461) (< netstandard2.0)
    System.Threading.Tasks (4.3) - restriction: && (>= net461) (< netstandard2.0)
    System.Threading.Tasks.Extensions (4.4)
      System.Collections (>= 4.3) - restriction: && (>= net461) (< netstandard2.0)
      System.Runtime (>= 4.3) - restriction: && (>= net461) (< netstandard2.0)
      System.Threading.Tasks (>= 4.3) - restriction: && (>= net461) (< netstandard2.0)
    System.ValueTuple (4.4)
    Topshelf (4.0.3)
    xunit (2.3.1)
      xunit.analyzers (>= 0.7)
      xunit.assert (2.3.1)
      xunit.core (2.3.1)
    xunit.abstractions (2.0.1)
    xunit.analyzers (0.8)
    xunit.assert (2.3.1)
    xunit.core (2.3.1)
      xunit.extensibility.core (2.3.1)
      xunit.extensibility.execution (2.3.1)
    xunit.extensibility.core (2.3.1)
      xunit.abstractions (>= 2.0.1)
    xunit.extensibility.execution (2.3.1)
      xunit.extensibility.core (2.3.1)
